gt3 3 1 14 14 14 2 1 8192 1 64
1 0.004 
0 
dmg 2 2 2 0 0 4 1 3 1 64
1 "ph"
0 
date 2 2 9 0 0 2 1 1 1 64
1 "Jul  6 2000"
0 
celem 1 1 9.99999984307e+17 -9.99999984307e+17 0 2 1 0 1 64
1 256 
0 
awc 1 1 1 -1 0.001 3 1 1 0 64
1 0 
0 
ap 2 2 1023 0 0 4 1 6 1 64
1 "1:SAMPLE:date,solvent,file;1:3D ACQUISITION:sw:1,sw1:1,sw2:1,ni:0,ni2:0,phase:0,phase2:0,at:3,np:0,ss:0,nt:0,ct:0,gain,temp:1;1:CHANNEL 1:sfrq:3,tn,tof:1,tpwr:0,compH:2,pw:1;1:CHANNEL 2:dfrq:3,dn,dof:1,pwClvl,compC:2,pwC:1,dpwr:0,dm,dmm,dmf,dmf80,rf80,pwC10:1,comp:3,dseq,dres,STUD;1:CHANNEL 3:dfrq2,dn2,pwNlvl,pwN:1,compN:2,dof2:1,dpwr2,dm2,dmm2,dmf2,dseq2,dres2;1:DELAYS:d1:3,jch:1,mix:3;2:WET:wet,wetshape,wetpwr,wetpw,dz,gzlvlw,gt2:6,gswet:6,gswet2:6;2:FLAGS:f1180,f2180;2:GRADIENTS:mag_flg,gzcal(mag_flg):6,gt0:4,gzlvl0,gt1:4,gzlvl1,gt2:4,gzlvl2,gt3:4,gzlvl3,gt4:4,gzlvl4,gt5:4,gzlvl5;2:PROCESSING:cf(nf):0,lb(lb):2,sb(sb):3,sbs(sb):3,gf(gf):3,gfs(gf):3,awc(awc):3,lsfid(lsfid):0,phfid(phfid):1,proc,fn:0;2(ni):2D PROCESSING:rp1:1,lp1:1,lb1(lb1):2,sb1(sb1):3,sbs1(sb1):3,gf1(gf1):3,gfs1(gf1):3,awc1(awc1):3,proc1,fn1:0;2:DISPLAY:sp:1,wp:1,vs:0,sc:0,wc:0,hzmm:2,is:2,rfl:1,rfp:1,th:0,ins:3,aig*,dcg*,dmg*;"
0 
aig 2 2 2 0 0 4 1 1 1 64
1 "ai"
2 "nm" "ai" 
STUD 4 2 4 0 0 2 1 0 1 64
1 "n"
0 
C180 2 2 8 0 0 2 1 0 1 64
1 "stC80"
0 
B0 1 1 9.99999984307e+17 -9.99999984307e+17 0 2 1 0 1 64
1 140964 
0 
acqstatus 7 1 32767 0 0 2 1 0 1 64
2 101 2 
0 
alock 2 2 8 0 0 2 1 0 1 64
1 "n"
5 "a" "n" "s" "u" "y" 
alfa 6 1 8190 -8190 0.0125 2 1 2 1 64
1 6 
0 
arraydim 7 1 32768 1 1 2 1 5 1 64
1 256 
0 
array 2 2 256 0 0 2 1 1 1 64
1 "phase"
0 
arrayelemts 1 1 9.99999984307e+17 -9.99999984307e+17 0 2 1 0 1 64
1 2 
0 
at 1 1 14 14 14 2 1 8203 1 64
1 0.12032 
0 
bs 7 1 32767 0 1 2 1 0 0 64
1 16 
0 
axis 4 2 4 0 0 4 1 0 1 64
1 "ppd"
11 "c" "d" "1" "2" "3" "h" "k" "m" "n" "p" "u" 
awc2 1 1 1 -1 0.001 3 1 1 0 64
1 0 
0 
awc1 1 1 1 -1 0.001 3 1 1 0 64
1 0 
0 
boresize 1 1 9.99999984307e+17 -9.99999984307e+17 0 2 1 0 1 64
1 5.1 
0 
axisf 4 2 4 0 0 4 1 0 1 64
1 "s"
4 "m" "n" "s" "u" 
c180_flg 2 2 8 0 0 2 1 0 1 64
1 "n"
0 
c13_de 3 1 14 14 14 2 1 8192 1 64
1 0.001 
0 
crf 1 1 9.99999984307e+17 -9.99999984307e+17 0 4 1 0 1 64
1 0 
0 
compN 1 1 9.99999984307e+17 -9.99999984307e+17 0 2 1 0 1 64
1 0.84 
0 
codecseq 2 2 8 0 0 2 1 0 1 64
1 "C=Odec"
0 
cf 7 1 32767 0 1 3 1 1 0 64
1 1 
0 
compC 1 1 9.99999984307e+17 -9.99999984307e+17 0 2 1 0 1 64
1 0.87 
0 
cofrq 5 1 1000000000 -1000000000 0 2 1 0 1 64
1 10800 
0 
compH 1 1 9.99999984307e+17 -9.99999984307e+17 0 2 1 0 1 64
1 0.92 
0 
cp 2 2 1 0 0 2 1 0 1 64
1 "y"
2 "y" "n" 
console 2 2 8 0 0 2 1 0 1 64
1 "inova"
0 
composit 4 2 4 0 0 2 1 0 1 64
1 "n"
0 
cr1 1 1 1000000000 -1000000000 0 4 1 3 1 64
1 3408.98049642 
0 
cr 1 1 1000000000 -1000000000 0 4 1 1 1 64
1 6189.60799361 
0 
cr2 1 1 9.99999984307e+17 -9.99999984307e+17 0 4 1 0 1 64
1 3220.68910527 
0 
d1 3 1 14 14 14 2 1 8194 1 64
1 1.5 
0 
cutoff 1 1 9.99999984307e+17 -9.99999984307e+17 0 4 1 0 0 64
1 200 
0 
ct 7 1 1000000000 0 1 2 1 6 1 64
1 16 
0 
d2 3 1 14 14 14 2 1 8194 1 64
1 0 
0 
dhpwr 1 1 9 9 9 2 1 8192 1 64
1 58 
0 
deltaone 1 1 9.99999984307e+17 -9.99999984307e+17 0 2 1 0 1 64
1 0 
0 
delta 1 1 9.99999984307e+17 -9.99999984307e+17 0 2 1 0 1 64
1 3477.46511096 
0 
dco90pwr 7 1 32767 0 0 2 1 0 1 64
1 52 
0 
dcapwr 7 1 77 0 1 2 1 0 1 64
1 64 
0 
dcg 2 2 3 0 0 4 1 1 1 64
1 ""
2 "dc" "cdc" 
dconi 2 2 8 0 0 2 1 0 1 64
1 "dcon"
0 
dcodpwr 7 1 61 0 0 2 1 0 1 64
1 57 
0 
decfrq 1 1 9.99999984307e+17 -9.99999984307e+17 0 2 1 0 1 64
1 -3000 
0 
deltaf 1 1 100 0 0 4 1 0 1 64
1 0.00695022624434 
0 
delta2 1 1 9.99999984307e+17 -9.99999984307e+17 0 4 1 0 1 64
1 9407.86384955 
0 
deltafrq 5 1 1000000000 -1000000000 0 2 1 0 1 64
1 -19000 
0 
dg2 2 2 1023 0 0 4 1 7 1 64
1 "1:CHANNEL 2:dfrq:3,dn,dof:1,pwC:1,pwClvl,compC:2,dpwr:0,dseq,dm,dmm,dres,dmf,dmf80,rf80,STUD,pwC10:1;2:GRADIENTS:mag_flg,gzcal(mag_flg):6,gt2:4,gzlvl2,gt3:4,gzlvl3,gt4:4,gzlvl4,gt5:4,gzlvl5;"
0 
dg 2 2 1023 0 0 4 1 6 1 64
1 "1:SAMPLE:date;1:3D ACQUISITION:sw:1,sw1:1,ni:0,phase:0,np:0,at:3,ss:0,nt:0,ct;2:DELAYS:taua:4,d1:3,d2(d2):6,d3(d3):6;2(wet):WET:wetshape,wetpwr,wetpw:0,dz:6,gzlvlw,gtw:3,gswet:6,gswet2:6;3:CHANNEL 1:sfrq:3,tn,tof:1,tpwr:0,compH:2,pw:1;3:FLAGS:wet,f1180;4:CHANNEL 3:dfrq2:2,dn2,pwN:1,pwNlvl,compN:2,dof2:1,dpwr2:0,dm2,dmm2,dmf2,dseq2,dres2;4:SAMPLE:solvent,temp:1;"
0 
dfrq2 1 1 1000000000 0 0 2 1 9 1 64
1 60.7593305 
0 
dfrq 5 1 1000000000 -1000000000 0 2 1 8 1 64
1 150.7603735 
0 
dfrq3 1 1 1000000000 0 0 2 1 9 1 64
1 92.273859 
0 
dg1 2 2 8 0 0 4 1 0 1 64
1 "1:DISPLAY:sp:1,wp:1,sp1(ni):1,wp1(ni):1,sp2(ni2):1,wp2(ni2):1;1:FID:sf:3,wf:3,vf:0;1:FLAGS:aig*,dcg*,pmode*(ni),dmg*,dmg1*(ni),dmg2*(ni2);2:REFERENCING:rfl:1,rfp:1,cr:1,delta:1,,rfl1(ni):1,rfp1(ni):1,cr1(ni):1,delta1(ni):1,,rfl2(ni2):1,rfp2(ni2):1,cr2(ni2):1,delta2(ni2):1;3:CHART:sc:0,wc:0,sc2(ni):0,wc2(ni):0,,hzmm:2,vs:1,vp:1,th:1,ho:2,vo:2,axis,,pltmod,rplot;4(ni):DIMENSIONS:trace,plane(ni2);4:INTEGRAL:intmod,is:2,ins:3,io:0,,lvl:3,tlt:3;4(ni2):3D OPTIONS:fiddc3d,specdc3d,ptspec3d,ntype3d,ss3d;"
0 
dgs 2 2 1023 0 0 4 1 6 1 64
5 "1:AXIAL SHIMS:z1:0,z2:0,z3:0,z4:0,z5:0,z6:0,z7:0;"
"2:NON AXIAL SHIMS:x1:0,y1:0,xz:0,yz:0,xy:0,x2y2:0,x3:0,y3:0,xz2:0,yz2:0,zxy:0,zx2y2:0,z3x:0,z3y:0,z2x2y2:0,z2xy:0;"
"3:NON AXIAL SHIMS:zx3:0,zy3:0,x4:0,y4:0,z4x:0,z4y:0,z3x2y2:0,z3xy:0,z2x3:0,z2y3:0,z3x3:0,z3y3:0,z4x2y2:0,z4xy:0,z5x:0,z5y:0;"
"4:AUTOMATION:method,wshim,load,,spin:0,gain:0,alock,loc:0;"
"4:SPECIAL:temp;"
0 
dgp 2 2 8 0 0 4 1 0 1 64
1 "1:DOWNSAMPLE:downsamp,dscoef,dsfb,dslsfrq,filtfile;1:OVERSAMPLE:oversamp,oscoef,osfb,oslsfrq,osfilt;1:CONDITIONAL:werr,wexp,wbs,wnt;2:WEIGHT:lb:3,sb:3,sbs(sb):3,gf:3,gfs(gf):3,awc:3,ssfilter,ssntaps,ssorder,sslsfrq:1;2:PROCESS:cf(nf),lsfid,phfid:1,lsfrq:1,proc,fn,rp:1,lp:1;3(ni):WEIGHT 1:lb1:3,sb1:3,sbs1(sb1):3,gf1:3,gfs1(gf1):3,awc1:3,wtfile1;3(ni):PROCESS 1:phfid1:1,lsfrq1:1,proc1,fn1,rp1:1,lp1:1;4(ni2):WEIGHT 2:lb2:3,sb2:3,sbs2(sb2):3,gf2:3,gfs2(gf2):3,awc2:3,wtfile2;4(ni2):PROCESS 2:phfid2:1,lsfrq2:1,proc2,fn2,rp2:1,lp2:1;"
0 
dglp 2 2 8 0 0 4 1 7 1 64
1 "1(lpfilt):LP:lpalg,lpopt,lpfilt:0,lpnupts:0,strtlp:0,lpext:0,strtext:0;2(lpfilt1):LP 1:lpalg1,lpopt1,lpfilt1:0,lpnupts1:0,strtlp1:0,lpext1:0,strtext1:0;3(lpfilt2):LP 2:lpalg2,lpopt2,lpfilt2:0,lpnupts2:0,strtlp2:0,lpext2:0,strtext2:0;4:LP OUTPUT:lpprint(lpfilt):0,lptrace(lpfilt):0,lpprint1(lpfilt1):0,lptrace1(lpfilt1):0,lpprint2(lpfilt2):0,lptrace2(lpfilt2):0;"
0 
dhipwr 1 1 9.99999984307e+17 -9.99999984307e+17 0 2 1 0 1 64
1 63 
0 
dh2pwr 7 1 77 0 1 2 1 0 1 64
1 0 
0 
dhp 1 1 9 9 9 2 1 8192 0 64
1 40 
0 
dm2 2 2 8 0 0 2 1 0 1 64
1 "nnny"
0 
dly_pg1 3 1 14 14 14 2 1 8192 1 64
1 0.008 
0 
dlowpwr 7 1 32767 0 0 2 1 0 1 64
1 46 
0 
dhpwr2 1 1 18 18 18 2 1 8192 1 64
1 0 
0 
dlp 7 1 10 10 10 2 1 8194 0 64
1 10 
0 
dly_wt 3 1 14 14 14 2 1 8192 1 64
1 0 
0 
dly_pg2 3 1 14 14 14 2 1 8192 1 64
1 0 
0 
dm 4 2 4 0 0 2 1 0 1 64
1 "nnny"
4 "a" "n" "s" "y" 
dmf3 7 1 2000000 1 0 2 1 2 1 64
1 1250 
0 
dmf 7 1 11 11 11 2 1 8194 1 64
1 19802 
0 
dm3 4 2 4 0 0 2 1 0 1 64
1 "nnn"
4 "a" "n" "s" "y" 
dmf2 7 1 100000 1 0 2 1 2 1 64
1 2886 
0 
dmf80 1 1 9.99999984307e+17 -9.99999984307e+17 0 2 1 0 1 64
1 896.05734767 
0 
fn 7 1 524288 64 -2 3 1 1 1 64
1 2048 
0 
dres3 7 1 360 1 0 2 1 0 1 64
1 1 
0 
dp 2 2 1 0 0 2 1 0 1 64
1 "y"
2 "y" "n" 
dn3 2 2 8 0 0 2 1 8 1 64
1 ""
0 
dmm2 2 2 8 0 0 2 1 0 1 64
1 "cccg"
0 
dmg1 2 2 8 0 0 4 1 0 1 64
1 "ph1"
4 "" "av1" "ph1" "pwr1" 
dmm 4 2 4 0 0 2 1 0 1 64
1 "cccp"
9 "c" "f" "g" "m" "p" "r" "u" "w" "x" 
dn 2 2 4 0 0 2 1 8 1 64
1 "C13"
0 
dmm3 4 2 4 0 0 2 1 0 1 64
1 "cwc"
9 "c" "f" "g" "m" "p" "r" "u" "w" "x" 
dn2 2 2 8 0 0 2 1 8 1 64
1 "N15"
0 
dof2 5 1 16 16 16 2 1 8202 1 64
1 1726.71266553 
0 
dof 5 1 8 8 8 2 1 8202 1 64
1 -10864.0551514 
0 
dod 3 1 14 14 14 2 1 8194 1 64
1 0.00999999977648 
0 
dotflag 2 2 8 0 0 4 1 0 1 64
1 "n"
2 "n" "y" 
dof3 5 1 20 20 20 2 1 8202 1 64
1 2052 
0 
downsamp 7 1 999 1 1 3 1 1 0 64
1 0 
0 
dpwrco 1 1 9 9 9 2 1 8192 1 64
1 37 
0 
dpwr2 7 1 18 18 18 2 1 8194 1 64
1 37 
0 
dpwr 7 1 9 9 9 2 1 8194 1 64
1 43 
0 
dpwr3 7 1 21 21 21 2 1 8194 1 64
1 34 
0 
dres 7 1 360 1 0 2 1 0 1 64
1 9 
0 
dpwrf 7 1 4095 0 1 2 1 2 0 64
1 4095 
0 
dres2 7 1 360 1 0 2 1 0 1 64
1 1 
0 
f1180 2 2 8 0 0 2 1 0 1 64
1 "n"
0 
dslsfrq 1 1 9.99999984307e+17 -9.99999984307e+17 0 3 1 1 0 64
1 0 
0 
dseq 2 2 8 0 0 2 1 0 1 64
1 "wurst80"
0 
dscoef 7 1 49999 3 2 3 1 1 1 64
1 251 
0 
dressed 7 1 32767 0 0 2 1 0 1 64
1 9 
0 
dseq3 2 2 8 0 0 2 1 0 1 64
1 ""
0 
dseq2 2 2 8 0 0 2 1 0 1 64
1 ""
0 
dsfb 1 1 9.99999984307e+17 -9.99999984307e+17 0 3 1 1 0 64
1 0 
0 
exp3D 2 2 8 0 0 2 1 0 1 64
1 "n"
0 
dz 3 1 14 14 14 2 1 8192 1 64
1 0 
0 
exppath 2 2 8 0 0 2 1 0 1 64
1 "/export/home/protein/vnmrsys/exp9/acqfil"
0 
fb 7 1 6 6 6 2 1 8203 1 64
1 5000 
0 
fad1 2 2 8 0 0 2 1 0 1 64
1 "y"
0 
f2coef 2 2 8 0 0 3 1 1 1 64
1 ""
0 
f1coef 2 2 8 0 0 3 1 1 1 64
1 ""
0 
fad2 2 2 8 0 0 2 1 0 1 64
1 "n"
0 
filter 7 1 1000000000 0 1 2 1 2 1 64
1 54.0999984741 
0 
file 2 2 6 0 0 2 1 3 1 64
1 "exp"
0 
fiddc3d 4 2 4 0 0 3 1 0 1 64
1 "nnn"
0 
flag3d 2 2 8 0 0 2 1 0 1 64
1 "y"
0 
filtfile 2 2 8 0 0 2 1 0 1 64
1 ""
0 
fmlev 4 2 4 0 0 2 1 0 1 64
1 "n"
0 
gfs1 1 1 1000 -1000 0.001 3 1 1 1 64
1 0.0014251206303 
0 
fsat 2 2 8 0 0 2 1 0 1 64
1 "n"
0 
fpmult 1 1 1000000000 0 0 3 1 0 1 64
1 0.5 
0 
fn2 7 1 524288 64 -2 3 1 1 1 64
1 1024 
0 
fn1 7 1 524288 64 -2 3 1 1 1 64
1 1024 
0 
fnoesy 4 2 4 0 0 2 1 0 1 64
1 "n"
0 
fpmult2 1 1 1000000000 0 0 3 1 0 0 64
1 0 
0 
fpmult1 1 1 1000000000 0 0 3 1 0 1 64
1 0.5 
0 
gf 1 1 100000 0 0 3 1 1 1 64
1 0.022 
0 
gain 1 1 60 0 2 2 1 0 1 64
1 40 
0 
fscuba 4 2 4 0 0 2 1 0 1 64
1 "n"
0 
gcoil 2 2 8 0 0 2 1 9 1 64
1 "None"
0 
gf2 1 1 100000 0 0 3 1 1 0 64
1 0 
0 
gf1 1 1 100000 0 0 3 1 1 0 64
1 0.00913753826171 
0 
gfs 1 1 1000 -1000 0.001 3 1 1 0 64
1 0.01 
0 
glvl6 1 1 9.99999984307e+17 -9.99999984307e+17 0 2 1 0 1 64
1 0 
0 
glvl2 1 1 9.99999984307e+17 -9.99999984307e+17 0 2 1 0 1 64
1 2106 
0 
glvl0 1 1 9.99999984307e+17 -9.99999984307e+17 0 2 1 0 1 64
1 1400 
0 
gfs2 1 1 1000 -1000 0.001 3 1 1 0 64
1 0 
0 
glvl1 1 1 9.99999984307e+17 -9.99999984307e+17 0 2 1 0 1 64
1 2340 
0 
glvl4 1 1 9.99999984307e+17 -9.99999984307e+17 0 2 1 0 1 64
1 -8426 
0 
glvl3 1 1 9.99999984307e+17 -9.99999984307e+17 0 2 1 0 1 64
1 13107 
0 
glvl5 1 1 9.99999984307e+17 -9.99999984307e+17 0 2 1 0 1 64
1 3745 
0 
gstab2 3 1 14 14 14 2 1 8192 1 64
1 0.001 
0 
gmax 1 1 9.99999984307e+17 -9.99999984307e+17 0 2 1 0 1 64
1 0 
0 
glvl7 1 1 9.99999984307e+17 -9.99999984307e+17 0 2 1 0 1 64
1 0 
0 
gstab 3 1 14 14 14 2 1 8192 1 64
1 0.001 
0 
gswet2 3 1 14 14 14 2 1 8192 1 64
1 0.00045 
0 
gswet 3 1 14 14 14 2 1 8192 1 64
1 0.0001 
0 
gt2 3 1 14 14 14 2 1 8192 1 64
1 0.001 
0 
pwndec 6 1 13 13 13 2 1 8192 1 64
1 239.6 
0 
math 2 2 1 0 0 3 1 3 1 64
1 "f"
3 "d" "f" "i" 
lb 1 1 100000 -100000 0 3 1 1 0 64
1 5 
0 
il 2 2 1 0 0 2 1 0 1 64
1 "n"
2 "y" "n" 
gzlvl3 1 1 32763 -32763 1 2 1 0 1 64
1 13107 
0 
gtw 3 1 14 14 14 2 1 8192 1 64
1 0.002 
0 
gt6 3 1 14 14 14 2 1 8192 1 64
1 0.01 
0 
gt5 3 1 14 14 14 2 1 8192 1 64
1 0.001 
0 
gt4 3 1 14 14 14 2 1 8192 1 64
1 0.003 
0 
gt7 3 1 14 14 14 2 1 8192 1 64
1 0.008 
0 
gzcal 1 1 9.99999984307e+17 -9.99999984307e+17 0 2 1 0 1 64
1 0.002052 
0 
gxmax 1 1 9.99999984307e+17 -9.99999984307e+17 0 2 1 0 1 64
1 0 
0 
gymax 1 1 9.99999984307e+17 -9.99999984307e+17 0 2 1 0 1 64
1 0 
0 
gzlvl2 1 1 32768 -32768 1 2 1 0 1 64
1 2106 
0 
homo 2 2 8 0 0 2 1 0 1 64
1 "n"
2 "n" "y" 
gzlvl7 1 1 32768 -32768 1 2 1 0 1 64
1 2000 
0 
gzlvl5 1 1 32763 -32763 1 2 1 0 1 64
1 3745 
0 
gzlvl4 1 1 32763 -32763 1 2 1 0 1 64
1 -8427 
0 
gzlvl6 1 1 32763 -32763 1 2 1 0 1 64
1 1000 
0 
gzmax 1 1 9.99999984307e+17 -9.99999984307e+17 0 2 1 0 1 64
1 0 
0 
gzlvlw 1 1 9.99999984307e+17 -9.99999984307e+17 0 2 1 0 1 64
1 8000 
0 
ho 1 1 500 -500 0 4 1 1 1 64
1 -132.5 
0 
hscuba 3 1 14 14 14 2 1 8192 1 64
1 0.03 
0 
homo3 4 2 4 0 0 2 1 0 1 64
1 "n"
2 "n" "y" 
homo2 4 2 4 0 0 2 1 0 1 64
1 "n"
2 "n" "y" 
hs 4 2 4 0 0 2 1 0 1 64
1 "nnnn"
2 "n" "y" 
hzmm 1 1 1000000000 -1000000000 0 4 1 11 1 64
1 17.3873255548 
0 
hst 3 1 0.02 0 2.5e-08 2 1 2 1 64
1 0.03 
0 
is 1 1 1000000000 1e-06 0 4 1 3 1 64
1 331.714989279 
0 
ins2ref 1 1 9.99999984307e+17 -9.99999984307e+17 0 4 1 0 0 64
1 1 
0 
ins 3 1 8190 0 1e-07 4 1 3 1 64
1 100 
0 
in 4 2 1 0 0 2 1 0 1 64
1 "n"
3 "n" "w" "y" 
ins2 1 1 9.99999984307e+17 -9.99999984307e+17 0 4 1 0 1 64
1 100 
0 
intmod 2 2 8 0 0 4 1 0 1 64
1 "off"
3 "off" "partial" "full" 
insref 1 1 9.99999984307e+17 -9.99999984307e+17 0 4 1 0 0 64
1 1 
0 
io 1 1 500 -500 0.1 4 1 1 1 64
1 10 
0 
jnh 1 1 10000 80 0 2 1 1024 1 64
1 106 
0 
jch 1 1 9.99999984307e+17 -9.99999984307e+17 0 2 1 0 1 64
1 155 
0 
jcc 1 1 9.99999984307e+17 -9.99999984307e+17 0 2 1 0 1 64
1 75 
0 
jxh2 1 1 9.99999984307e+17 -9.99999984307e+17 0 2 1 0 1 64
1 94 
0 
jxh 7 1 32767 0 0 2 1 0 1 64
1 105 
0 
lpfilt1 7 1 32767 1 1 3 1 0 1 64
1 8 
0 
lp2 1 1 3600 -3600 0.1 4 1 3 1 64
1 -180 
0 
load 2 2 4 0 0 2 1 3 1 64
1 "n"
2 "y" "n" 
liamp 1 1 1000000000 0 0 4 1 0 0 64
4 0 0 0 0.577882409096 
0 
lb2 1 1 100000 -100000 0 3 1 1 0 64
1 0 
0 
lb1 1 1 100000 -100000 0 3 1 1 0 64
1 0.318309992552 
0 
lcpeak_ 7 1 32767 0 0 2 1 0 1 64
1 0 
0 
llamp 1 1 1000000000 0 0 4 1 0 0 64
1 0.00116023339797 
0 
lifrq 1 1 1000000000 -1000000000 0 4 1 0 0 64
3 8782.77153558 407.902061883 0 
0 
llfrq 1 1 1000000000 -1000000000 0 4 1 0 0 64
1 3590.48295722 
0 
lockphase_ 1 1 360 0 1 2 1 0 1 64
1 358 
0 
lockfreq_ 5 1 160 0 1e-07 2 1 9 1 64
1 92.0355 
0 
loc_ 7 1 12 12 12 2 1 8201 0 64
1 0 
0 
lockgain_ 1 1 48 0 1 2 1 0 1 64
1 40 
0 
lp 1 1 3600 -3600 0.1 4 1 3 1 64
1 0 
0 
lockpower_ 1 1 68 0 1 2 1 0 1 64
1 39 
0 
lp1 1 1 3600 -3600 0.1 4 1 3 1 64
1 0 
0 
lpext 7 1 1000000 0 1 3 1 0 1 64
1 2 
0 
lpalg1 2 2 8 0 0 3 1 0 1 64
1 "lpfft"
0 
lpalg 2 2 8 0 0 3 1 0 1 64
1 "lpfft"
0 
lpalg2 2 2 8 0 0 3 1 0 1 64
1 "lpfft"
0 
lpext2 7 1 1000000 0 1 3 1 0 1 64
2 2 384 
0 
lpext1 7 1 1000000 0 1 3 1 0 1 64
1 354 
0 
lpfilt 7 1 32767 1 1 3 1 0 1 64
1 16 
0 
lptrace 7 1 32767 0 1 3 1 0 1 64
1 0 
0 
lpprint 7 1 63 0 1 3 1 0 1 64
1 0 
0 
lpnupts2 7 1 1000000 1 1 3 1 0 1 64
2 126 128 
0 
lpnupts 7 1 1000000 1 1 3 1 0 1 64
1 64 
0 
lpfilt2 7 1 32767 1 1 3 1 0 1 64
1 8 
0 
lpnupts1 7 1 1000000 1 1 3 1 0 1 64
1 158 
0 
lpopt1 2 2 8 0 0 3 1 0 1 64
1 "f"
0 
lpopt 2 2 8 0 0 3 1 0 1 64
1 "b"
0 
lpopt2 2 2 8 0 0 3 1 0 1 64
2 "b"
"f"
0 
lpprint2 7 1 63 0 1 3 1 0 1 64
1 0 
0 
lpprint1 7 1 63 0 1 3 1 0 1 64
1 0 
0 
lsfrq1 1 1 9.99999984307e+17 -9.99999984307e+17 0 3 1 0 0 64
1 0 
0 
lsfid2 7 1 64000 -64000 1 3 1 0 0 64
1 0 
0 
lptrace2 7 1 32767 0 1 3 1 0 1 64
1 0 
0 
lptrace1 7 1 32767 0 1 3 1 0 1 64
1 0 
0 
lsfid 7 1 64000 -64000 1 3 1 0 0 64
1 0 
0 
lsfrq 1 1 9.99999984307e+17 -9.99999984307e+17 0 3 1 0 0 64
1 0 
0 
macro 2 2 6 0 0 4 1 3 1 64
1 ""
0 
lvl 1 1 1000000000 -1000000000 0 4 1 1 1 64
1 0 
0 
lsfrq2 1 1 9.99999984307e+17 -9.99999984307e+17 0 3 1 0 0 64
1 0 
0 
mag_flg 4 2 4 0 0 2 1 0 1 64
1 "n"
0 
phi 1 1 9.99999984307e+17 -9.99999984307e+17 0 2 1 0 1 64
1 0 
0 
oscoef 7 1 49999 3 2 2 1 1 0 64
1 31 
0 
mlevpwr 7 1 32767 0 0 2 1 0 1 64
1 50 
0 
method 2 2 6 0 0 2 1 3 1 64
1 "/vnmr/shimmethods/z1z2"
0 
mcyc 7 1 32767 0 0 2 1 0 1 64
1 1 
0 
mess_flg 2 2 8 0 0 2 1 0 1 64
1 "n"
0 
mixnoe 3 1 14 14 14 2 1 8192 1 64
1 0.14 
0 
mixmlev 3 1 14 14 14 2 1 8192 1 64
1 0.02 
0 
mixshift 3 1 14 14 14 2 1 8192 1 64
1 0 
0 
ni 7 1 32767 0 0 2 1 0 1 64
1 128 
0 
n2 2 2 6 0 0 4 1 3 1 64
1 "n"
0 
n1 2 2 6 0 0 4 1 3 1 64
1 ""
0 
n3 2 2 6 0 0 4 1 3 1 64
1 ""
0 
nt 7 1 1000000000 1 1 2 1 2 1 64
1 16 
0 
np 7 1 524288 64 64 2 1 11 1 64
1 2048 
0 
ntype3d 4 2 4 0 0 3 1 0 1 64
1 "nn"
0 
pad 3 1 14 14 14 2 1 8194 1 64
1 0 
0 
ospts 7 1 32767 0 0 2 1 256 1 64
3 0 1 1 
0 
osfilt 2 2 8 0 0 2 1 0 1 64
1 "a"
5 "a" "A" "b" "B" "" 
osfb 1 1 100000 0 0 2 1 1 0 64
1 0 
0 
oslsfrq 1 1 9.99999984307e+17 -9.99999984307e+17 0 2 1 1 0 64
1 0 
0 
p1 6 1 13 13 13 2 1 8194 1 64
1 0 
0 
oversamp 7 1 68 0 1 2 1 9 0 64
1 1 
0 
p2_sh_ms 6 1 13 13 13 2 1 8192 1 64
1 21 
0 
phase 7 1 4 0 1 2 1 0 1 64
2 1 2 
0 
parversion 1 1 9.99999984307e+17 -9.99999984307e+17 0 2 1 4 1 64
1 5.1 
0 
parstyle_ 2 2 8 0 0 4 1 0 1 64
1 "ppa"
0 
path3d 2 2 8 0 0 4 1 0 1 64
1 "/home/tester/vnmrsys/exp5/datadir3d"
0 
phfid1 1 1 3600 -3600 0.1 3 1 0 0 64
1 0 
0 
phfid 1 1 3600 -3600 0.1 3 1 0 1 64
1 0 
0 
phfid2 1 1 3600 -3600 0.1 3 1 0 0 64
1 0 
0 
pwC 6 1 13 13 13 2 1 8192 1 64
1 17.2 
0 
proc 2 2 10 0 0 3 1 1 1 64
1 "ft"
0 
pmode 2 2 8 0 0 3 1 0 1 64
1 "full"
0 
plane 2 2 8 0 0 4 1 0 1 64
1 "f1f3"
6 "f1f3" "f3f1" "f2f3" "f3f2" "f1f2" "f2f1" 
pkpick_ 2 2 8 0 0 4 1 0 1 64
1 ""
0 
pltmod 2 2 8 0 0 4 1 0 1 64
1 "off"
5 "off" "fixed" "full" "variable" "user" 
priority 7 1 32768 0 1 2 1 0 1 64
1 5 
0 
presat 3 1 14 14 14 2 1 8192 1 64
1 1.5 
0 
probe_ 2 2 8 0 0 2 1 8 1 64
1 ""
0 
ptspec3d 4 2 4 0 0 3 1 0 1 64
1 "nnn"
0 
proc2 2 2 8 0 0 3 1 1 1 64
1 "lp"
0 
proc1 2 2 10 0 0 3 2 1 1 64
1 "lp"
0 
pslabel 2 2 8 0 0 2 1 11 1 64
1 "gCNhsqc"
0 
pw90 6 1 13 13 13 2 1 8194 1 64
1 9.15 
0 
pw 6 1 13 13 13 2 1 8194 1 64
1 9.15 
0 
pwca 6 1 13 13 13 2 1 8192 1 64
1 50 
0 
pwN 6 1 13 13 13 2 1 8192 1 64
1 46.5 
0 
pwC180 6 1 13 13 13 2 1 8192 1 64
1 1000 
0 
pwC10 6 1 13 13 13 2 1 8192 1 64
1 80.8 
0 
pwClvl 1 1 9.99999984307e+17 -9.99999984307e+17 0 2 1 0 1 64
1 54 
0 
pw_sh_ms 6 1 13 13 13 2 1 8192 1 64
1 21 
0 
pwNlvl 1 1 9.99999984307e+17 -9.99999984307e+17 0 2 1 0 1 64
1 55 
0 
pwc 6 1 13 13 13 2 1 8192 1 64
1 12.8 
0 
pwn 6 1 13 13 13 2 1 8192 1 64
1 0 
0 
pwcod 6 1 13 13 13 2 1 8192 1 64
1 234 
0 
pwco_sh 2 2 8 0 0 2 1 0 1 64
1 "herm180_17p6_750"
0 
pwcodec 6 1 13 13 13 2 1 8192 1 64
1 33 
0 
pwn15 6 1 200 0 0.025 2 1 1024 1 64
1 36.5 
0 
tofps 5 1 1000000000 -1000000000 0 2 1 0 1 64
1 -167.3 
0 
sp 1 1 1000000000 -1000000000 0 4 1 3 1 64
1 -2204.56018093 
0 
rfp2 1 1 9.99999984307e+17 -9.99999984307e+17 0 4 1 0 1 64
1 0 
0 
reffrq 1 1 9.99999984307e+17 -9.99999984307e+17 0 4 1 0 1 64
1 599.5560205 
0 
r3 1 1 1e+18 -1e+18 0 4 1 1 1 64
1 0 
0 
pwx2 6 1 13 13 13 2 1 8192 1 64
1 0 
0 
pwwet 6 1 50000 0 0.1 2 1 0 1 64
1 7059 
0 
pwx1 6 1 13 13 13 2 1 8192 1 64
1 36 
0 
r1 1 1 1e+18 -1e+18 0 4 1 1 1 64
1 944992 
0 
pxcodec 6 1 13 13 13 2 1 8192 1 64
1 0 
0 
r2 1 1 1e+18 -1e+18 0 4 1 1 1 64
1 12.1875 
0 
r7 1 1 1e+18 -1e+18 0 4 1 1 1 64
1 0 
0 
r5 1 1 1e+18 -1e+18 0 4 1 1 1 64
1 80.8 
0 
r4 1 1 1e+18 -1e+18 0 4 1 1 1 64
1 0 
0 
r6 1 1 1e+18 -1e+18 0 4 1 1 1 64
1 0 
0 
ref_pwr 7 1 32767 0 0 3 1 0 1 64
1 55 
0 
ref_pw90 6 1 13 13 13 3 1 8192 1 64
1 15.275 
0 
rf80 1 1 9.99999984307e+17 -9.99999984307e+17 0 2 1 0 1 64
1 2370.10578853 
0 
refpos1 1 1 9.99999984307e+17 -9.99999984307e+17 0 4 1 0 1 64
1 4.66000009387 
0 
reffrq2 1 1 9.99999984307e+17 -9.99999984307e+17 0 4 1 0 1 64
1 599.8797895 
0 
reffrq1 1 1 9.99999984307e+17 -9.99999984307e+17 0 4 1 0 1 64
1 599.879800656 
0 
refpos 1 1 9.99999984307e+17 -9.99999984307e+17 0 4 1 0 0 64
1 4.66 
0 
refsource1 2 2 8 0 0 4 1 0 1 64
1 "sfrq"
0 
refpos2 1 1 9.99999984307e+17 -9.99999984307e+17 0 4 1 0 0 64
1 8.80101747479 
0 
refsource2 2 2 8 0 0 4 1 0 1 64
1 "sfrq"
0 
rfl2 1 1 9.99999984307e+17 -9.99999984307e+17 0 4 1 0 1 64
1 0 
0 
rfl 1 1 1000000000 -1000000000 0 4 1 1 1 64
1 5000 
0 
rfband 4 2 4 0 0 2 1 0 1 64
1 "cccc"
3 "c" "h" "l" 
rfl1 1 1 1000000000 -1000000000 0 4 1 1 1 64
1 5015.65557727 
0 
rfp1 1 1 1000000000 -1000000000 0 4 1 1 1 64
1 2795.43992737 
0 
rfp 1 1 1000000000 -1000000000 0 4 1 1 1 64
1 2795.43981907 
0 
sbs1 1 1 1000 -1000 0.001 3 1 1 1 64
1 -0.0509999999999 
0 
satfrq 5 1 1000000000 -1000000000 0 2 1 0 1 64
1 -9970 
0 
rp1 1 1 3600 -3600 0.1 4 1 3 1 64
1 0.653751217776 
0 
rof2 6 1 13 13 13 2 1 8194 1 64
1 2 
0 
rof1 6 1 13 13 13 2 1 8194 1 64
1 0 
0 
rp 1 1 3600 -3600 0.1 4 1 3 1 64
1 54.4615384615 
0 
sample 2 2 8 0 0 2 1 0 1 64
1 "lysh2o"
0 
rp2 1 1 3600 -3600 0.1 4 1 3 1 64
1 -70.7142857146 
0 
satflg 2 2 8 0 0 2 1 0 1 64
1 "y"
0 
sb 1 1 1000 -1000 0.001 3 1 0 0 64
1 0.0511647686362 
0 
saveglobal_ 2 2 8 0 0 3 1 0 1 64
15 "probe"
"lcpeak"
"loc"
"lockpower"
"lockgain"
"lockphase"
"lockfreq"
"z0"
"lkof"
"vloc"
"vrack"
"vzone"
"vproto"
"pkpick"
"parstyle"
0 
satpwr 1 1 9.99999984307e+17 -9.99999984307e+17 0 2 1 0 1 64
1 -16 
0 
sb2 1 1 1000 -1000 0.001 3 1 1 0 64
1 0.042 
0 
sb1 1 1 1000 -1000 0.001 3 1 1 0 64
1 -0.0509999999999 
0 
sbs 1 1 1000 -1000 0.001 3 1 1 0 64
1 -0.0505179332104 
0 
sf2 1 1 9.99999984307e+17 -9.99999984307e+17 0 4 1 0 1 64
1 0 
0 
scf 1 1 1 0 0 2 1 0 1 64
1 0.45 
0 
sc 1 1 1 1 1 4 1 8195 1 64
1 5 
0 
sbs2 1 1 1000 -1000 0.001 3 1 1 1 64
1 -0.042 
0 
sc2 1 1 3 3 3 4 1 8195 1 64
1 0 
0 
sf 1 1 8190 0 1e-07 4 1 3 1 64
1 0 
0 
seqfil 2 2 8 0 0 2 1 11 1 64
1 "gCNhsqc"
0 
sf1 1 1 9.99999984307e+17 -9.99999984307e+17 0 4 1 0 1 64
1 0 
0 
shape 2 2 8 0 0 2 1 0 1 64
1 "boban"
0 
sh_pwr 1 1 17 17 17 2 1 8192 1 64
1 10 
0 
sfrq 1 1 1000000000 0 0 2 1 11 1 64
1 599.5560135 
0 
sh_pwr2 1 1 17 17 17 2 1 8192 1 64
1 20 
0 
sn 1 1 1e+18 -1e+18 0 3 1 1 1 64
1 0 
0 
shp_flg 2 2 8 0 0 2 1 0 1 64
1 "y"
0 
solvent 2 2 6 0 0 2 1 11 1 64
1 "d2o"
0 
strtlp1 7 1 1000000 1 1 3 1 0 1 64
1 158 
0 
sslsfrq 1 1 9.99999984307e+17 -9.99999984307e+17 0 3 1 0 0 64
1 5 
0 
spin 1 1 32000000 0 0.1 2 1 0 0 64
1 0 
0 
sp2 1 1 9.99999984307e+17 -9.99999984307e+17 0 4 1 0 1 64
1 0 
0 
sp1 1 1 1000000000 -1000000000 0 4 1 3 1 64
1 -2220.2156499 
0 
specdc3d 4 2 4 0 0 3 1 0 1 64
1 "nnn"
0 
ss3d 2 2 8 0 0 3 1 0 1 64
1 ""
3 "" "lfs" "zfs" 
ss 7 1 32767 -32768 0 2 1 0 1 64
1 32 
0 
ssfilter 1 1 50000 10 0.1 3 1 0 1 64
1 100 
0 
strtext 7 1 1000000 1 1 3 1 0 1 64
1 2 
0 
ssorder 7 1 20 1 1 3 1 0 0 64
1 1 
0 
ssntaps 7 1 2500 0 1 3 1 0 1 64
1 200 
0 
sspul 2 2 8 0 0 2 1 0 1 64
1 "n"
0 
strtext2 7 1 1000000 1 1 3 1 0 1 64
2 2 129 
0 
strtext1 7 1 1000000 1 1 3 1 0 1 64
1 159 
0 
strtlp 7 1 1000000 1 1 3 1 0 1 64
1 3 
0 
theta 1 1 9.99999984307e+17 -9.99999984307e+17 0 2 1 0 1 64
1 0 
0 
taua 3 1 14 14 14 2 1 8192 1 64
1 0.0016 
0 
sw 1 1 5 5 5 2 1 8203 1 64
1 8510.63829787 
0 
strtlp2 7 1 1000000 1 1 3 1 0 1 64
2 2 128 
0 
sw1 1 1 5000000 1 -2.5e-08 2 1 0 1 64
1 3000.07500188 
0 
th 1 1 1000000000 0 0 4 1 1 1 64
1 3 
0 
temp 1 1 200 -150 0.1 2 1 8 1 64
1 23 
0 
th2d 1 1 1 1e-18 0 4 1 17 1 64
1 0.8 
0 
tnsat 4 2 4 0 0 2 1 0 1 64
1 "y"
0 
tlt 1 1 1000000000 -1000000000 0 4 1 1 1 64
1 0 
0 
tin 2 2 1 0 0 2 1 2 1 64
1 "n"
3 "n" "w" "y" 
tn 2 2 4 0 0 2 1 8 1 64
1 "H1"
0 
tof 5 1 7 7 7 2 1 8202 1 64
1 -225 
0 
x2y2 7 1 19 19 19 2 1 8192 1 64
1 1623 
0 
wetpw 6 1 13 13 13 2 1 8192 1 64
1 7950 
0 
vrack_ 7 1 5 1 0 2 1 0 1 64
1 1 
0 
tsatpwr 1 1 17 17 17 2 1 8192 1 64
1 -16 
0 
tpwrmess 1 1 17 17 17 2 1 8192 1 64
1 55 
0 
tpwr 7 1 17 17 17 2 1 8194 1 64
1 56 
0 
tpwrf 7 1 4095 0 1 2 1 2 0 64
1 4095 
0 
trim 3 1 14 14 14 2 1 8192 1 64
1 0.0005 
0 
trace 2 2 2 0 0 4 1 3 1 64
1 "f1"
3 "f1" "f2" "f3" 
trise 1 1 9.99999984307e+17 -9.99999984307e+17 0 2 1 0 1 64
1 4e-05 
0 
vp 7 1 500 -500 0.1 4 1 3 1 64
1 -2.68987340554 
0 
vloc_ 2 2 8 0 0 2 1 8 1 64
1 "C7"
0 
vf 1 1 1000000000 0 0 4 1 3 1 64
1 2620.80015926 
0 
vo 1 1 500 -500 0 4 1 1 1 64
1 0 
0 
vpfi 1 1 500 -500 0 4 1 0 1 64
1 0 
0 
vpf 1 1 500 -500 0 4 1 0 1 64
1 1.12341756931 
0 
vproto_ 2 2 8 0 0 2 1 0 1 64
1 ""
0 
vzone_ 7 1 15 1 0 2 1 0 1 64
1 1 
0 
vsproj 1 1 1000000000 1e-06 0 4 1 3 1 64
1 8284.55175367 
0 
vs2d 1 1 1000000000 1e-06 0 4 1 3 1 64
1 2614.63581882 
0 
vs 1 1 1000000000 1e-06 0 4 1 3 1 64
1 15258.7890625 
0 
vtwait 3 1 14 14 14 2 1 8194 1 64
1 180 
0 
vtc 1 1 255 0 1 2 1 2 1 64
1 0 
0 
werr 2 2 6 0 0 3 1 3 1 64
1 ""
0 
wc 1 1 2 2 2 4 1 8203 1 64
1 180 
0 
wbs 2 2 6 0 0 3 1 3 1 64
1 ""
0 
wc2 1 1 4 4 4 4 1 8195 1 64
1 65 
0 
wet_flg 4 2 4 0 0 2 1 0 1 64
1 "y"
0 
wet 4 2 4 0 0 2 1 0 1 64
1 "n"
0 
wp 1 1 5000000 0 0 4 1 11 1 64
1 8510.63829787 
0 
wf 1 1 8190 0 1e-07 4 1 3 1 64
1 0.12032 
0 
wetshape 2 2 8 0 0 2 1 0 1 64
1 "gauss"
0 
wetpwr 1 1 9.99999984307e+17 -9.99999984307e+17 0 2 1 0 1 64
1 21.8 
0 
wexp 2 2 6 0 0 3 1 3 1 64
1 ""
0 
wf2 1 1 9.99999984307e+17 -9.99999984307e+17 0 4 1 0 1 64
1 0.0424256000002 
0 
wf1 1 1 9.99999984307e+17 -9.99999984307e+17 0 4 1 0 1 64
1 0.1706624 
0 
wnt 2 2 6 0 0 3 1 3 1 64
1 ""
0 
wtfile 2 2 15 0 0 3 1 1 1 64
1 ""
0 
wp2 1 1 9.99999984307e+17 -9.99999984307e+17 0 4 1 0 1 64
1 12068.1852466 
0 
wp1 1 1 100000 0 0 4 1 3 1 64
1 3000.07500188 
0 
wshim 4 2 4 0 0 2 1 1 1 64
1 "n"
15 "e" "f" "g" "n" "s" "0" "1" "2" "3" "4" "5" "6" "7" "8" "9" 
wtfile2 2 2 8 0 0 3 1 1 1 64
1 ""
0 
wtfile1 2 2 15 0 0 3 2 1 1 64
1 ""
0 
x1 7 1 19 19 19 2 1 8192 1 64
1 4011 
0 
z3x 7 1 19 19 19 2 1 8192 1 64
1 7409 
0 
z2 7 1 19 19 19 2 1 8192 1 64
1 6348 
0 
y3 7 1 19 19 19 2 1 8192 1 64
1 12519 
0 
xy 7 1 19 19 19 2 1 8192 1 64
1 -645 
0 
x4 7 1 19 19 19 2 1 8192 1 64
1 0 
0 
x3 7 1 19 19 19 2 1 8192 1 64
1 4860 
0 
xdiag 1 1 1e+18 0 0 4 1 17 1 64
1 0 
0 
xz2 7 1 19 19 19 2 1 8192 1 64
1 -6555 
0 
xz 7 1 19 19 19 2 1 8192 1 64
1 -5349 
0 
y1 7 1 19 19 19 2 1 8192 1 64
1 3255 
0 
yz2 7 1 19 19 19 2 1 8192 1 64
1 -2600 
0 
yz 7 1 19 19 19 2 1 8192 1 64
1 2354 
0 
y4 7 1 19 19 19 2 1 8192 1 64
1 0 
0 
z1 7 1 19 19 19 2 1 8192 1 64
1 24313 
0 
z0_ 1 1 19 19 19 2 1 8192 1 64
1 -26089 
0 
z1c 7 1 19 19 19 2 1 8192 1 64
1 -1044 
0 
z2xy 7 1 19 19 19 2 1 8192 1 64
1 -2881 
0 
z2x2y2 7 1 19 19 19 2 1 8192 1 64
1 918 
0 
z2c 7 1 19 19 19 2 1 8192 1 64
1 196 
0 
z2x3 7 1 19 19 19 2 1 8192 1 64
1 0 
0 
z3 7 1 19 19 19 2 1 8192 1 64
1 3936 
0 
z2y3 7 1 19 19 19 2 1 8192 1 64
1 0 
0 
z3c 7 1 19 19 19 2 1 8192 1 64
1 0 
0 
z5 7 1 19 19 19 2 1 8192 1 64
1 5560 
0 
z4x 7 1 19 19 19 2 1 8192 1 64
1 -4505 
0 
z3y 7 1 19 19 19 2 1 8192 1 64
1 -669 
0 
z3x3 7 1 19 19 19 2 1 8192 1 64
1 0 
0 
z3x2y2 7 1 19 19 19 2 1 8192 1 64
1 0 
0 
z3xy 7 1 19 19 19 2 1 8192 1 64
1 0 
0 
z4 7 1 19 19 19 2 1 8192 1 64
1 4620 
0 
z3y3 7 1 19 19 19 2 1 8192 1 64
1 0 
0 
z4c 7 1 19 19 19 2 1 8192 1 64
1 0 
0 
z4xy 7 1 19 19 19 2 1 8192 1 64
1 0 
0 
z4x2y2 7 1 19 19 19 2 1 8192 1 64
1 0 
0 
z4y 7 1 19 19 19 2 1 8192 1 64
1 -2782 
0 
z7 7 1 19 19 19 2 1 8192 1 64
1 -3768 
0 
z5y 7 1 19 19 19 2 1 8192 1 64
1 0 
0 
z5x 7 1 19 19 19 2 1 8192 1 64
1 0 
0 
z6 7 1 19 19 19 2 1 8192 1 64
1 -25096 
0 
zx2y2 7 1 19 19 19 2 1 8192 1 64
1 -12660 
0 
z8 7 1 19 19 19 2 1 8192 1 64
1 0 
0 
zxy 7 1 19 19 19 2 1 8192 1 64
1 1914 
0 
zx3 7 1 19 19 19 2 1 8192 1 64
1 -3310 
0 
zy3 7 1 19 19 19 2 1 8192 1 64
1 -2605 
0 
