gzlvl2 1 1 32000 -32000 0 2 1 0 1 64
1 18320 
0 
datname 2 2 8 0 0 3 1 0 1 64
1 ""
0 
JNH 1 1 9.99999984307e+17 -9.99999984307e+17 0 2 1 0 1 64
1 93 
0 
BPpipeexportexp 2 2 8 0 0 2 1 256 1 64
1 "5"
0 
BPpipeautoproc 4 2 4 0 0 2 1 256 1 64
1 "n"
0 
BPpipe_controls 2 2 8 0 0 3 1 256 1 64
1 "y"
0 
BPpipeSOL 2 2 8 0 0 3 1 256 1 64
1 "y"
0 
BP_SPARSEproc 2 2 8 0 0 3 1 0 1 64
1 "CLEAN"
0 
ACQtime 7 1 100000000 0 1 2 1 256 1 64
1 1234.651671 
0 
Archive2 2 2 8 0 0 2 1 0 1 64
1 ""
0 
Archive1 2 2 8 0 0 2 1 0 1 64
1 ""
0 
B0 1 1 9.99999984307e+17 -9.99999984307e+17 0 2 1 0 1 64
1 140964 
0 
BP_sparse_advanced 2 2 8 0 0 2 1 0 1 64
1 "n"
0 
BPexpress_gui 7 1 32767 0 0 2 1 0 1 64
1 2 
0 
BPpipe_XYscript 2 2 8 0 0 3 1 256 1 64
1 "vj_xy_expert.com"
0 
BPpipe_4Dscript 2 2 8 0 0 3 1 256 1 64
1 "vj_xyza_user.com"
0 
BPpipe_3Dscript 2 2 8 0 0 3 1 256 1 64
1 "vj_xyz_expert.com"
0 
BPpipe_XZscript 2 2 8 0 0 3 1 256 1 64
1 "vj_xz_expert.com"
0 
BPpipe_pipeDir 2 2 8 0 0 3 1 256 1 64
1 "pipe"
0 
BPpipe_fidscript 2 2 8 0 0 3 1 256 1 64
1 "vj_fid.com"
0 
BPpipe_fidDir 2 2 8 0 0 3 1 256 1 64
1 "acqfil/fid"
0 
BPpipe_editor 2 2 8 0 0 3 1 256 1 64
1 "gedit"
0 
BPpipe_par 2 2 8 0 0 3 1 256 1 64
1 "curpar"
0 
BPpipe_solids 2 2 8 0 0 3 1 256 1 64
1 "n"
0 
BPpipe_strips_script 2 2 8 0 0 3 1 256 1 64
1 "vj_expert_user.com"
0 
BPpipeexp4 1 1 9.99999984307e+17 -9.99999984307e+17 0 2 1 256 1 64
1 4 
0 
BPpipeexp10 1 1 9.99999984307e+17 -9.99999984307e+17 0 2 1 256 1 64
1 10 
0 
BPpipeexp 2 2 8 0 0 2 1 256 1 64
12 ""
""
""
""
""
""
""
""
""
""
""
""
0 
BPpipedraw 4 2 4 0 0 2 1 0 1 64
1 "y"
0 
BPpipedrawinfo 2 2 8 0 0 2 1 256 1 64
1 ""
0 
BPpipeexp1 1 1 9.99999984307e+17 -9.99999984307e+17 0 2 1 256 1 64
1 1 
0 
BPpipeexp2 1 1 9.99999984307e+17 -9.99999984307e+17 0 2 1 256 1 64
1 2 
0 
BPpipeexp12 1 1 9.99999984307e+17 -9.99999984307e+17 0 2 1 256 1 64
1 12 
0 
BPpipeexp11 1 1 9.99999984307e+17 -9.99999984307e+17 0 2 1 256 1 64
1 11 
0 
BPpipeexp3 1 1 9.99999984307e+17 -9.99999984307e+17 0 2 1 256 1 64
1 3 
0 
BPpipeexp7 1 1 9.99999984307e+17 -9.99999984307e+17 0 2 1 256 1 64
1 7 
0 
BPpipeexp5 1 1 9.99999984307e+17 -9.99999984307e+17 0 2 1 256 1 64
1 5 
0 
BPpipeexp6 1 1 9.99999984307e+17 -9.99999984307e+17 0 2 1 256 1 64
1 6 
0 
BPpipeexp9 1 1 9.99999984307e+17 -9.99999984307e+17 0 2 1 256 1 64
1 9 
0 
BPpipeexp8 1 1 9.99999984307e+17 -9.99999984307e+17 0 2 1 256 1 64
1 8 
0 
BPpipeexport 4 2 4 0 0 2 1 256 1 64
1 "n"
0 
CSpars 2 2 8 0 0 2 1 256 1 64
1 ""
0 
C180pwr 1 1 63 -16 0.5 2 1 0 1 64
1 55 
0 
BPpipevjdisp 4 2 4 0 0 2 1 256 1 64
1 "n"
0 
BPpipeprocinfo 2 2 8 0 0 2 1 256 1 64
1 ""
0 
BPpipepage 7 1 32767 0 0 2 1 256 1 64
1 1 
0 
BPpipenexp 7 1 32767 0 0 2 1 0 1 64
1 1 
0 
BPpipeproc 1 1 9.99999984307e+17 -9.99999984307e+17 0 2 1 256 1 64
1 1 
0 
BPpipetype 2 2 8 0 0 2 1 256 1 64
1 "N15-NOE"
0 
BPpiperegion 4 2 4 0 0 2 1 0 1 64
1 "y"
0 
C13refoc 2 2 8 0 0 2 1 0 1 64
1 "y"
0 
BPpipevjproc 4 2 4 0 0 2 1 0 1 64
1 "n"
0 
C180pw 6 1 13 13 13 2 1 8192 1 64
1 229 
0 
CSdensity 1 1 100 0 0 2 1 0 1 64
1 50 
0 
CS_cln 4 2 4 0 0 3 1 0 1 64
1 "y"
0 
C180shape 2 2 8 0 0 2 1 0 1 64
1 "BIP"
0 
CS_inf 4 2 4 0 0 3 1 0 1 64
1 "y"
0 
CS_dpars 4 2 4 0 0 3 1 0 1 64
1 "y"
0 
CS_se 4 2 4 0 0 3 1 0 1 64
1 "n"
0 
CSinp 2 2 8 0 0 2 1 0 1 64
1 ""
0 
CSdnoise 4 2 4 0 0 3 1 0 1 64
1 "y"
0 
CSdensity2 1 1 100 0 0 2 1 0 1 64
1 50 
0 
CSdomain 7 1 32767 0 0 2 1 0 1 64
1 1 
0 
CSlines 7 1 32767 0 0 2 1 0 1 64
1 4 
0 
CSsp 7 1 32767 0 0 3 1 0 1 64
1 0 
0 
CSseed 1 1 9.99999984307e+17 -9.99999984307e+17 0 2 1 0 1 64
1 169 
0 
CSprosize 7 1 32767 0 0 2 1 256 1 64
3 0 0 0 
0 
CSprofile 2 2 8 0 0 2 1 256 1 64
3 ""
""
""
0 
CSreconmethod 2 2 8 0 0 2 1 0 1 64
1 "CLEAN"
0 
CSshowpro 4 2 4 0 0 2 1 0 1 64
1 "y"
0 
CSshape 2 2 8 0 0 2 1 0 1 64
1 "gexp"
0 
CSshowsch 4 2 4 0 0 2 1 0 1 64
1 "y"
0 
CSwt 4 2 4 0 0 2 1 0 1 64
1 "n"
0 
CStype 4 2 4 0 0 2 1 0 1 64
1 "a"
0 
CSthr 1 1 100 1 0.1 3 1 0 1 64
1 2 
0 
CSwp 7 1 32767 0 0 3 1 0 1 64
1 0 
0 
Gmapname 2 2 8 0 0 2 1 1 1 64
1 ""
0 
Gmap 2 2 8 0 0 2 1 1 1 64
1 "lk"
0 
H1reffrq 1 1 9.99999984307e+17 -9.99999984307e+17 0 2 1 0 1 64
1 599.419696162 
0 
c13reff3 1 1 9.99999984307e+17 -9.99999984307e+17 0 2 1 0 1 64
1 0 
0 
ap 2 2 1023 0 0 4 1 6 1 64
1 "1:ACQUISITION H1:sfrq:3,at:3,np:0,sw:1,bs,ss,tpwr:0,tpwrsf,compH:2,pw:1,d1:3,tof:1,nt:0,ct:0,gain:0;1:SAMPLE:date,file,solvent,temp:1;1:C13 PULSES:dfrq:3,dof:0,pwClvl:0,compC:2,pwC:2;1:NOESY:mix:4,C13refoc,NH2only;1:N15 PULSES:dfrq2:3,dof2:0,pwN:1,pwNlvl:0,compN:2,dpwr2:0,dm2,dmm2,dmf2:0;1:2D PARAMETERS 13C:d2:4,sw1:1,ni,f1180,phase;1:3D PARAMETERS 15N:d3:4,sw2:1,ni2,f2180,phase2;2(seqfil='gnoesyNhsqcA'):PBOX:autocal,checkofs;2:GRADIENTS:mag_flg,gstab:6,gzcal(mag_flg):6,gzlvl1,gzlvl2;2:OPTIONS:pra:1,dp,il,,werr,wbs,wnt,wexp;2:DISPLAY:sp:1,wp:1,vsc,wc,hzmm:2,is:2,rfl:1,rfp:1,th,ins:3,aig*,dcg*,dmg*;2:2D DISPLAY:sp1:1,wp1:1,sc2,wc2,rfl1:1,rfp1:1;2:PROCESSING:lb(lb):2,sb(sb):3,sbs(sb):3,gf(gf):3,gfs(gf):3,fn,math;2:2D PROCESSING:lb1(lb1):3,sb1(sb1):3,sbs1(sb1):3,gf1(gf1):3,gfs1(gf1):3,fn1:0;2:3D PROCESSING:lb2(lb2):2,sb2(sb2):3,sbs2(sb2):3,gf2(gf2):3,gfs2(gf2):3,fn2:0;"
0 
actionid 2 2 8 0 0 2 1 0 1 64
1 "null"
0 
T1rho 4 2 4 0 0 2 1 0 1 64
1 "n"
0 
REQexp 2 2 8 0 0 4 1 256 1 64
2 ""
"ignore"
0 
NH2only 2 2 8 0 0 2 1 0 1 64
1 "n"
0 
MinSW 2 2 8 0 0 3 1 0 1 64
1 "off"
4 "off" "auto" "manual" "skip" 
PFGflg 4 2 4 0 0 2 1 0 1 64
1 "n"
0 
T1 4 2 4 0 0 2 1 0 1 64
1 "n"
0 
SPARSE 4 2 4 0 0 2 1 0 1 64
1 "n"
0 
acqdim 7 1 1000000000 -1000000000 0 2 1 0 1 64
1 3 
0 
acqcycles 1 1 9.99999984307e+17 -9.99999984307e+17 0 2 1 0 1 64
1 1820 
0 
T2 4 2 4 0 0 2 1 0 1 64
1 "n"
0 
acqstatus 7 1 32767 0 0 2 1 256 1 64
2 101 0 
0 
acqpath 2 2 8 0 0 2 1 0 1 64
1 ""
0 
aig 2 2 2 0 0 4 1 1 1 64
1 "ai"
2 "nm" "ai" 
adirtmplt 2 2 8 0 0 2 1 0 1 64
1 "/home/et/data/$samplename$"
0 
adir2tmplt 2 2 8 0 0 2 1 0 1 64
1 ""
0 
age 1 1 9.9e+17 0 0.001 3 1 0 1 64
1 0 
0 
alock 2 2 8 0 0 2 1 0 1 64
1 "n"
5 "a" "n" "s" "u" "y" 
alfa 6 1 8190 0 0.4 2 1 2 1 64
1 20 
0 
anatomy 2 2 8 0 0 2 1 0 1 64
1 "head"
0 
autocal 2 2 8 0 0 2 1 0 1 64
1 "y"
0 
at_ni 1 1 9.99999984307e+17 -9.99999984307e+17 0 2 1 0 1 64
1 0.01 
0 
array 2 2 256 0 0 2 1 1 1 64
1 "phase,phase2"
0 
archivedir 2 2 8 0 0 2 1 0 1 64
1 "/home/et/data/BPexpress_ubq"
0 
apptype 2 2 8 0 0 2 1 1 1 64
1 "gnoesyNhsqc"
0 
arrayelemts 1 1 9.99999984307e+17 -9.99999984307e+17 0 2 1 0 1 64
1 3 
0 
arraydim 7 1 32768 1 1 2 1 5 1 64
1 1820 
0 
at 1 1 14 14 14 2 1 8203 1 64
1 0.1000064 
0 
at_ni3 1 1 9.99999984307e+17 -9.99999984307e+17 0 2 1 0 1 64
1 0.001 
0 
at_ni2 1 1 9.99999984307e+17 -9.99999984307e+17 0 2 1 0 1 64
1 0.02 
0 
at_obs 1 1 9.99999984307e+17 -9.99999984307e+17 0 2 1 0 1 64
1 0.1 
0 
axis 4 2 4 0 0 4 1 0 1 64
1 "pp2"
11 "c" "d" "1" "2" "3" "h" "k" "m" "n" "p" "u" 
awc1 1 1 1 -1 0.001 3 1 1 0 64
1 0 
0 
avwdir 2 2 8 0 0 3 1 0 1 64
1 ""
0 
awc 1 1 1 -1 0.001 3 1 1 0 64
1 0 
0 
awc2 1 1 1 -1 0.001 3 1 1 0 64
1 0 
0 
boresize 1 1 9.99999984307e+17 -9.99999984307e+17 0 2 1 0 1 64
1 51 
0 
birthday 2 2 8 0 0 3 1 0 1 64
4 ""
""
""
""
0 
axisf 4 2 4 0 0 4 1 0 1 64
1 "s"
4 "m" "n" "s" "u" 
c13reff1 1 1 9.99999984307e+17 -9.99999984307e+17 0 2 1 0 1 64
1 0 
0 
bs 7 1 32767 0 1 2 1 0 0 64
1 8 
0 
c13reff2 1 1 9.99999984307e+17 -9.99999984307e+17 0 2 1 0 1 64
1 0 
0 
cr 1 1 1000000000 -1000000000 0 4 4 1 1 64
1 5704.60102996 
0 
compC 1 1 9.99999984307e+17 -9.99999984307e+17 0 2 1 0 1 64
1 0.969 
0 
celem 1 1 9.99999984307e+17 -9.99999984307e+17 0 2 1 0 1 64
1 7280 
0 
calH 1 1 9.99999984307e+17 -9.99999984307e+17 0 2 1 0 1 64
1 1 
0 
cal 1 1 9.99999984307e+17 -9.99999984307e+17 0 2 1 0 1 64
1 4.2 
0 
calN 1 1 9.99999984307e+17 -9.99999984307e+17 0 2 1 0 1 64
1 1 
0 
checkofs 2 2 8 0 0 2 1 0 1 64
1 "n"
0 
cf 7 1 32767 0 1 3 1 1 0 64
1 1 
0 
comment 2 2 8 0 0 3 1 0 1 64
1 ""
0 
concentration 1 1 9.99e+17 -9.99e+17 0 2 1 0 1 64
1 0 
0 
compH 1 1 9.99999984307e+17 -9.99999984307e+17 0 2 1 0 1 64
1 0.931 
0 
compD 1 1 9.99999984307e+17 -9.99999984307e+17 0 2 1 0 1 64
1 1 
0 
compN 1 1 9.99999984307e+17 -9.99999984307e+17 0 2 1 0 1 64
1 1.103 
0 
cp 2 2 1 0 0 2 1 0 1 64
1 "y"
2 "y" "n" 
console 2 2 8 0 0 2 1 0 1 64
1 "vnmrs"
0 
cppauseflg 4 2 4 0 0 4 1 0 1 64
1 "n"
0 
d1 3 1 14 14 14 2 1 8194 1 64
1 1 
0 
ct 7 1 1000000000 0 1 2 1 6 1 64
1 4 
0 
cr2 1 1 9.99999984307e+17 -9.99999984307e+17 0 4 6 0 1 64
1 7004.75353155 
0 
cr1 1 1 1000000000 -1000000000 0 4 4 3 1 64
1 1067.89689985 
0 
crf 1 1 9.99999984307e+17 -9.99999984307e+17 0 4 1 0 1 64
1 0 
0 
cutoff 1 1 9.99999984307e+17 -9.99999984307e+17 0 4 1 0 0 64
1 200 
0 
customflag 4 2 4 0 0 4 1 0 1 64
1 "n"
0 
dataID 2 2 8 0 0 2 1 0 1 64
1 ""
0 
d3 3 1 14 14 14 2 1 8194 1 64
1 0 
0 
d2 3 1 14 14 14 2 1 8194 1 64
1 0 
0 
d4 3 1 14 14 14 2 1 8192 1 64
1 0 
0 
date 2 2 9 0 0 2 1 1 1 64
1 "Mar  7 2013"
0 
dataid 2 2 8 0 0 2 1 0 1 64
1 ""
0 
explist 2 2 8 0 0 2 1 256 1 64
1 "gnoesyNhsqc_001"
0 
dn 2 2 4 0 0 2 1 8 1 64
1 "C13"
0 
displaymode 4 2 9.99999984307e+17 -9.99999984307e+17 0 4 1 0 1 64
1 "r"
6 "r" "i" "a" "e" "z" "s" 
dfrq2 1 1 1000000000 0 0 2 1 9 1 64
1 60.745873 
0 
dec2wave 2 2 8 0 0 2 1 0 1 64
1 "g"
0 
ddrpm 2 2 8 0 0 2 1 0 1 64
1 "e"
0 
dcg 2 2 3 0 0 4 1 1 1 64
1 "cdc"
2 "dc" "cdc" 
dcrmv 4 2 9.99999984307e+17 -9.99999984307e+17 0 4 1 0 1 64
1 "n"
2 "y" "n" 
ddrtc 6 1 1000 0 0.4 2 1 0 1 64
1 20 
0 
delta1 1 1 5000000 0 0 4 4 3 1 64
1 792.96875 
0 
decwave 2 2 8 0 0 2 1 0 1 64
1 "g"
0 
dec3wave 2 2 8 0 0 2 1 0 1 64
1 "g"
0 
delta 1 1 5000000 0 0 4 4 1 1 64
1 2014.88323373 
0 
deltaf 1 1 100 0 0 4 1 0 1 64
1 0 
0 
delta2 1 1 9.99999984307e+17 -9.99999984307e+17 0 4 6 0 1 64
1 450.218871595 
0 
dfrq 5 1 1000000000 -1000000000 0 2 1 8 1 64
1 150.74038 
0 
dgproc 2 2 8 0 0 4 1 0 1 64
1 "1:PROCESSING:lb:3,sb:3,sbs:3,gf:3,gfs2:3,awc2:3,wtfile,proc,fn:0;2:2D PROCESSING:lb1:3,sb1:3,sbs1:3,gf1:3,gfs1:3,awc1:3,wtfile1,proc1,fn1:0,f1coef;3:3D PROCESSING:lb2:3,sb2:3,sbs2(sb2):3,gf2:3,gfs2(gf2):3,awc2:3,wtfile2,proc2,fn2:0,f2coef;"
0 
dg1 2 2 8 0 0 4 1 0 1 64
1 "1:DISPLAY:sp:1,wp:1,sp1(ni):1,wp1(ni):1,sp2(ni2):1,wp2(ni2):1;1:FID:sf:3,wf:3,vf:0;1:FLAGS:aig*,dcg*,pmode*(ni),dmg*,dmg1*(ni),dmg2*(ni2);2:REFERENCING:rfl:1,rfp:1,cr:1,delta:1,,rfl1(ni):1,rfp1(ni):1,cr1(ni):1,delta1(ni):1,,rfl2(ni2):1,rfp2(ni2):1,cr2(ni2):1,delta2(ni2):1;3:CHART:sc:0,wc:0,sc2(ni):0,wc2(ni):0,,hzmm:2,vs:1,vp:1,th:1,ho:2,vo:2,axis,,pltmod,rplot;4(ni):DIMENSIONS:trace,plane(ni2);4:INTEGRAL:intmod,is:2,ins:3,io:0,,lvl:3,tlt:3;4(ni2):3D OPTIONS:fiddc3d,specdc3d,ptspec3d,ntype3d;"
0 
dfrq3 1 1 1000000000 0 0 2 1 9 1 64
1 0 
0 
dg 2 2 1023 0 0 4 1 6 1 64
1 "1:ACQUISITION H1:sfrq:3,at:3,np:0,sw:1,bs(bx),ss,tpwr:0,tpwrsf,compH:2,pw:1,pwHs:0,d1:3,tof:1,nt:0,ct:0,gain:0;2:C13 RF:dfrq:5,dof:0,pwClvl:0,pwC:2,compC:3;2(seqfil='gnoesyNhsqcA'):PBOX:autocal,checkofs;2:OPTIONS:pra:1,C13refoc,NH2only,;2:NOESY DIMENSION:d2(d2):6,mix:2,sw1:1,ni,phase,f1180;3:N15 RF:dfrq2:3,dof2:0,pwN:1,pwNlvl:0,compN:2,,dpwr2:0,dm2,dmm2,dmf2;3:15N DIMENSION:d3(d3):6,sw2:1,ni2,phase2,f2180;4:SELECTION:mag_flg,gstab:6,gzcal(mag_flg):6,gt1:5,gzlvl1:0,gzlvl2:0;4:SAMPLE:date,solvent,temp:1,,;4:FOR INFORMATION:sequence,processing,linearpred;"
0 
dglp 2 2 8 0 0 4 1 7 1 64
1 "1(lpfilt):LP:lpalg,lpopt,lpfilt:0,lpnupts:0,strtlp:0,lpext:0,strtext:0,,proc,ni,celem;2(lpfilt1):LP 1:lpalg1,lpopt1,lpfilt1:0,lpnupts1:0,strtlp1:0,lpext1:0,strtext1:0,,proc1;3(lpfilt2):LP 2:lpalg2,lpopt2,lpfilt2:0,lpnupts2:0,strtlp2:0,lpext2:0,strtext2:0,,proc2;4:LP OUTPUT:lpprint(lpfilt):0,lptrace(lpfilt):0,lpprint1(lpfilt1):0,lptrace1(lpfilt1):0,lpprint2(lpfilt2):0,lptrace2(lpfilt2):0;"
0 
dg2 2 2 1023 0 0 4 1 7 1 64
1 "1:CHANNEL 2:dfrq:3,dn,dpwr:0,dof:1,dm,dmm;2:CHANNEL 3:dfrq2:3,dn2,dpwr2:0,dof2:1,dm2,dmm2,dmf2:0,dseq2,dres2:1;3(dm3='nyn'):CHANNEL 4:dfrq3:3,dn3,dpwr3,dof3:1,dm3,dmm3,dmf3,dseq3,dres3:1;4:GRADIENTS:gzlvl1:0,gzlvl2:0,gt1:5,,gzlvl0:0,gt0:5,gzlvl3:0,gt3:5,gzlvl4:0,gt4:5,gzlvl5:0,gt5:5,gzlvl6:0;"
0 
dgp 2 2 8 0 0 4 1 0 1 64
1 "1:DOWNSAMPLE:downsamp,dscoef,dsfb,dslsfrq,filtfile;1:OVERSAMPLE:oversamp,oscoef,osfb,oslsfrq,osfilt;1:CONDITIONAL:werr,wexp,wbs,wnt;2:WEIGHT:lb:3,sb:3,sbs(sb):3,gf:3,gfs(gf):3,awc:3,ssfilter,ssntaps,ssorder,sslsfrq:1;2:PROCESS:cf(nf),lsfid,phfid:1,lsfrq:1,proc,fn,rp:1,lp:1;3(ni):WEIGHT 1:lb1:3,sb1:3,sbs1(sb1):3,gf1:3,gfs1(gf1):3,awc1:3,wtfile1;3(ni):PROCESS 1:phfid1:1,lsfid1,lsfrq1:1,proc1,f1coef,fn1,rp1:1,lp1:1;4(ni2):WEIGHT 2:lb2:3,sb2:3,sbs2(sb2):3,gf2:3,gfs2(gf2):3,awc2:3,wtfile2;4(ni2):PROCESS 2:phfid2:1,lsfrq2:1,proc2,f2coef,fn2,rp2:1,lp2:1;"
0 
dimension1 1 1 9.99999984307e+17 -9.99999984307e+17 0 2 1 0 1 64
1 70 
0 
dhp 1 1 9 9 9 2 1 8192 0 64
1 40 
0 
dgs 2 2 1023 0 0 4 1 6 1 64
5 "1:AXIAL SHIMS:z1:0,z2:0,z3:0,z4:0,z5:0,z6:0,z7:0;"
"2:NON AXIAL SHIMS:x1:0,y1:0,xz:0,yz:0,xy:0,x2y2:0,x3:0,y3:0,xz2:0,yz2:0,zxy:0,zx2y2:0,z3x:0,z3y:0;"
"3:NON AXIAL SHIMS:z2x2y2:0,z2xy:0,zx3:0,zy3:0,z4x:0,z4y:0;"
"4:AUTOMATION:method,wshim,load,,spin:0,gain:0,alock,loc:0;"
"4:SPECIAL:temp;"
0 
dimension 2 2 8 0 0 2 1 0 1 64
1 "H1 N15 H1"
0 
dimension3 1 1 9.99999984307e+17 -9.99999984307e+17 0 2 1 0 1 64
1 1202 
0 
dimension2 1 1 9.99999984307e+17 -9.99999984307e+17 0 2 1 0 1 64
1 26 
0 
disCmd 2 2 8 0 0 4 1 0 1 64
1 ""
0 
dmf3 7 1 2000000 1 0 2 1 2 1 64
1 1250 
0 
dm3 4 2 4 0 0 2 1 0 1 64
1 "nnn"
4 "a" "n" "s" "y" 
dm 4 2 4 0 0 2 1 0 1 64
1 "nnn"
4 "a" "n" "s" "y" 
dlp 7 1 10 10 10 2 1 8194 0 64
1 10 
0 
dm2 4 2 4 0 0 2 1 0 1 64
1 "nny"
4 "a" "n" "s" "y" 
dmf2 7 1 100000 1 0 2 1 2 1 64
1 4234 
0 
dmf 7 1 11 11 11 2 1 8194 1 64
1 47457 
0 
dmm 4 2 4 0 0 2 1 0 1 64
1 "ccc"
9 "c" "f" "g" "m" "p" "r" "u" "w" "x" 
dmg1 2 2 8 0 0 4 1 0 1 64
1 ""
4 "" "av1" "ph1" "pwr1" 
dmg 2 2 2 0 0 4 1 3 1 64
1 "ph"
0 
dmg2 2 2 8 0 0 2 1 0 1 64
1 ""
0 
dmm3 4 2 4 0 0 2 1 0 1 64
1 "cwc"
9 "c" "f" "g" "m" "p" "r" "u" "w" "x" 
dmm2 2 2 8 0 0 2 1 0 1 64
1 "ccp"
0 
dreffrq 1 1 9.99999984307e+17 -9.99999984307e+17 0 2 1 0 1 64
1 150.723800872 
0 
downsamp 7 1 999 1 1 3 1 1 0 64
1 0 
0 
dn4ref 2 2 8 0 0 4 1 1 1 64
1 ""
0 
dn3 2 2 8 0 0 2 1 8 1 64
1 ""
0 
dn2ref 2 2 8 0 0 4 1 1 1 64
1 ""
0 
dn2 2 2 8 0 0 2 1 8 1 64
1 "N15"
0 
dn2shapes 2 2 8 0 0 2 1 256 1 64
3 ""
""
""
0 
dn3shapes 2 2 8 0 0 2 1 256 1 64
3 ""
""
""
0 
dn3ref 2 2 8 0 0 4 1 1 1 64
1 ""
0 
dof 5 1 8 8 8 2 1 8202 1 64
1 1892.9 
0 
dnshapes 2 2 8 0 0 2 1 256 1 64
3 ""
""
""
0 
dnref 2 2 8 0 0 4 1 1 1 64
1 ""
0 
dod 3 1 14 14 14 2 1 8194 1 64
1 0.00999999977648 
0 
dof3 5 1 20 20 20 2 1 8202 1 64
1 2052 
0 
dof2 5 1 1000000000 -1000000000 0 2 1 8 1 64
1 1250 
0 
dotflag 2 2 8 0 0 4 1 0 1 64
1 "n"
2 "n" "y" 
dpwr1 7 1 32767 0 0 2 1 0 1 64
1 41 
0 
dpf_wc2 1 1 9.99999984307e+17 -9.99999984307e+17 0 4 1 0 1 64
1 159 
0 
dp 2 2 1 0 0 2 1 0 1 64
1 "y"
2 "y" "n" 
dpwr 1 1 9 9 9 2 1 8194 1 64
1 0 
0 
dpwr3 1 1 21 21 21 2 1 8194 1 64
1 34 
0 
dpwr2 1 1 18 18 18 2 1 8194 1 64
1 38 
0 
dslsfrq 1 1 9.99999984307e+17 -9.99999984307e+17 0 3 1 1 0 64
1 0 
0 
dseq 2 2 8 0 0 2 1 0 1 64
1 "wc13"
0 
dres2 7 1 360 1 0 2 1 0 1 64
1 90 
0 
dreffrq3 1 1 9.99999984307e+17 -9.99999984307e+17 0 2 1 0 1 64
1 0 
0 
dreffrq2 1 1 9.99999984307e+17 -9.99999984307e+17 0 2 1 0 1 64
1 60.7386703227 
0 
dres 7 1 360 1 0 2 1 0 1 64
1 90 
0 
dsSelect 7 1 32767 0 0 4 1 0 1 64
5 1 2 3 4 5 
0 
dres3 7 1 360 1 0 2 1 0 1 64
1 90 
0 
dscoef 7 1 49999 3 2 3 1 1 1 64
1 251 
0 
dseq3 2 2 8 0 0 2 1 0 1 64
1 ""
0 
dseq2 2 2 8 0 0 2 1 0 1 64
1 "waltz16"
0 
dsfb 1 1 9.99999984307e+17 -9.99999984307e+17 0 3 1 1 0 64
1 0 
0 
emailaddr 2 2 8 0 0 4 1 0 1 64
1 ""
0 
dss_sc2 1 1 9.99999984307e+17 -9.99999984307e+17 0 4 1 0 1 64
1 0 
0 
dss_sc 1 1 9.99999984307e+17 -9.99999984307e+17 0 4 1 0 1 64
1 0 
0 
dss_wc2 1 1 9.99999984307e+17 -9.99999984307e+17 0 4 1 0 1 64
1 154.5 
0 
dss_wc 1 1 9.99999984307e+17 -9.99999984307e+17 0 4 1 0 1 64
1 237.5 
0 
dutyc 1 1 9.99999984307e+17 -9.99999984307e+17 0 2 1 0 1 64
1 0.1 
0 
empty_noise 1 1 9.99999984307e+17 -9.99999984307e+17 0 2 1 0 1 64
1 0 
0 
emessage 4 2 4 0 0 2 1 0 1 64
1 "n"
0 
emailwhen 2 2 8 0 0 2 1 0 1 64
1 ""
0 
execprocess 2 2 8 0 0 2 1 0 1 64
1 " return "
0 
explabel 2 2 8 0 0 2 1 0 1 64
1 "gnoesyNhsqc"
0 
ftproc 1 1 9.99999984307e+17 -9.99999984307e+17 0 3 1 256 1 64
2 1 3 
0 
fidid 2 2 8 0 0 2 1 0 1 64
1 ""
0 
f2coef 2 2 8 0 0 3 1 1 1 64
1 "1 0 -1 0 0 -1 0 -1"
0 
f1coef 2 2 8 0 0 3 1 1 1 64
1 "1 0 0 0 0 0 -1 0"
0 
f1180 4 2 4 0 0 2 1 0 1 64
1 "n"
0 
exppath 2 2 8 0 0 2 1 0 1 64
1 "/home/et/vnmrsys/exp4/acqfil"
0 
f1SW 2 2 8 0 0 2 1 1 1 64
1 ""
0 
f2180 4 2 4 0 0 2 1 0 1 64
1 "n"
0 
f2SW 2 2 8 0 0 2 1 1 1 64
1 ""
0 
fdfdir 2 2 8 0 0 3 1 0 1 64
1 ""
0 
fadflg 4 2 4 0 0 2 1 0 1 64
1 "n"
0 
faculty 2 2 8 0 0 2 1 0 1 64
1 ""
0 
fb 7 1 6 6 6 2 1 8203 1 64
1 7000 
0 
fidID 2 2 8 0 0 2 1 0 1 64
1 ""
0 
fdffile 2 2 8 0 0 3 1 0 1 64
1 ""
0 
fiddc3d 4 2 4 0 0 3 1 0 1 64
1 "nnn"
0 
fn_ni 7 1 32767 0 0 2 1 0 1 64
1 512 
0 
fn 7 1 524288 64 -2 3 1 1 1 64
1 8192 
0 
filter 7 1 1000000000 0 1 2 1 2 1 64
1 54.0999984741 
0 
file 2 2 6 0 0 2 1 3 1 64
1 "exp"
0 
filtfile 2 2 8 0 0 2 1 0 1 64
1 ""
0 
fn1 7 1 524288 64 -2 3 1 1 1 64
1 512 
0 
fn2 7 1 524288 64 -2 3 1 1 1 64
1 512 
0 
fpmult 1 1 1000000000 0 0 3 1 0 1 64
1 0.5 
0 
fn_ni3 7 1 32767 0 0 2 1 0 1 64
1 256 
0 
fn_ni2 7 1 32767 0 0 2 1 0 1 64
1 512 
0 
fn_obs 7 1 32767 0 0 2 1 0 1 64
1 4096 
0 
fpmult2 1 1 1000000000 0 0 3 1 0 1 64
1 0.5 
0 
fpmult1 1 1 1000000000 0 0 3 2 0 1 64
1 0.5 
0 
fsqd 4 2 4 0 0 2 1 0 1 64
1 "n"
0 
gt0 3 1 14 14 14 2 1 8192 1 64
1 0.0005 
0 
gf2 1 1 100000 0 0 3 1 1 0 64
1 0 
0 
gcoil 2 2 8 0 0 2 1 9 1 64
1 "Triax"
0 
gain 1 1 60 0 2 2 1 0 1 64
1 30 
0 
fzoom 7 1 32767 0 0 4 1 0 1 64
1 0 
0 
gap 1 1 9.99999984307e+17 -9.99999984307e+17 0 2 1 0 1 64
1 0 
0 
gf 1 1 100000 0 0 3 1 1 0 64
1 0.0196804608 
0 
gender 2 2 8 0 0 3 1 0 1 64
1 ""
0 
gf1 1 1 100000 0 0 3 1 1 0 64
1 0.0155562773002 
0 
gmax 1 1 9.99999984307e+17 -9.99999984307e+17 0 2 1 0 1 64
1 28.77 
0 
gfs1 1 1 1000 -1000 0.001 3 1 1 0 64
1 0 
0 
gfs 1 1 1000 -1000 0.001 3 1 1 0 64
1 0 
0 
gfs2 1 1 1000 -1000 0.001 3 1 1 0 64
1 0 
0 
go_id 2 2 8 0 0 2 1 7 1 64
1 "exp4.et.app600b_1362703233_042696"
0 
go_Options 2 2 8 0 0 2 1 7 1 64
1 "au"
0 
gstab 3 1 14 14 14 2 1 8192 1 64
1 0.0003 
0 
gxppars 2 2 8 0 0 2 1 0 1 64
1 ""
0 
gt5 3 1 14 14 14 2 1 8192 1 64
1 0.0005 
0 
gt3 3 1 14 14 14 2 1 8192 1 64
1 0.001 
0 
gt1 3 1 14 14 14 2 1 8192 1 64
1 0.002 
0 
gt4 3 1 14 14 14 2 1 8192 1 64
1 0.002 
0 
gtotlimit 1 1 9.99999984307e+17 -9.99999984307e+17 0 2 1 0 1 64
1 95 
0 
gt6 3 1 14 14 14 2 1 8192 1 64
1 0.0005 
0 
gxmax 1 1 9.99999984307e+17 -9.99999984307e+17 0 2 1 0 1 64
1 31.78 
0 
gzlvl0 1 1 9.99999984307e+17 -9.99999984307e+17 0 2 1 0 1 64
1 11098 
0 
gzcal 1 1 9.99999984307e+17 -9.99999984307e+17 0 2 1 0 1 64
1 0.001774 
0 
gymax 1 1 9.99999984307e+17 -9.99999984307e+17 0 2 1 0 1 64
1 28.77 
0 
gzlvl1 1 1 32000 -32000 0 2 1 0 1 64
1 18000 
0 
pkpick_ 2 2 8 0 0 4 1 0 1 64
1 ""
0 
lpfilt1 7 1 32767 1 1 3 1 0 1 64
1 8 
0 
liamp 1 1 1000000000 0 0 4 1 0 0 64
2 0 0.0224821250886 
0 
homorof2 6 1 13 13 13 2 1 8192 1 64
1 2 
0 
hdpwrf 1 1 9.99999984307e+17 -9.99999984307e+17 0 2 1 0 1 64
1 4095 
0 
gzsize 1 1 9.99999984307e+17 -9.99999984307e+17 0 2 1 0 1 64
1 0 
0 
gzlvl5 1 1 9.99999984307e+17 -9.99999984307e+17 0 2 1 0 1 64
1 12000 
0 
gzlvl4 1 1 9.99999984307e+17 -9.99999984307e+17 0 2 1 0 1 64
1 -24770 
0 
gzlvl3 1 1 9.99999984307e+17 -9.99999984307e+17 0 2 1 0 1 64
1 25000 
0 
gzmax 1 1 9.99999984307e+17 -9.99999984307e+17 0 2 1 0 1 64
1 67.43 
0 
gzlvl6 1 1 9.99999984307e+17 -9.99999984307e+17 0 2 1 0 1 64
1 -13600 
0 
h1reff3 1 1 9.99999984307e+17 -9.99999984307e+17 0 2 1 0 1 64
1 0 
0 
h1reff1 1 1 9.99999984307e+17 -9.99999984307e+17 0 2 1 0 1 64
1 4.63 
0 
gzwin 1 1 9.99999984307e+17 -9.99999984307e+17 0 2 1 0 1 64
1 0 
0 
h1reff2 1 1 9.99999984307e+17 -9.99999984307e+17 0 2 1 0 1 64
1 0 
0 
hdof 5 1 1000000000 -1000000000 0 2 1 0 1 64
1 0 
0 
hdmf 1 1 9.99999984307e+17 -9.99999984307e+17 0 2 1 0 1 64
1 1000 
0 
hdpwr 1 1 9.99999984307e+17 -9.99999984307e+17 0 2 1 0 1 64
1 0 
0 
ho 1 1 500 -500 0 4 1 1 1 64
1 -47.55 
0 
hdwshimlist 2 2 8 0 0 2 1 0 1 64
1 ""
0 
hdseq 2 2 8 0 0 2 1 0 1 64
1 ""
0 
hdres 1 1 9.99999984307e+17 -9.99999984307e+17 0 2 1 0 1 64
1 0.9 
0 
height 1 1 9.9e+17 0 0.001 3 1 0 1 64
1 0 
0 
homo3 4 2 4 0 0 2 1 0 1 64
1 "n"
2 "n" "y" 
homo2 4 2 4 0 0 2 1 0 1 64
1 "n"
2 "n" "y" 
homo 2 2 8 0 0 2 1 8 1 64
1 "n"
2 "n" "y" 
homorof1 6 1 13 13 13 2 1 8192 1 64
1 2 
0 
intmod 2 2 8 0 0 4 1 0 1 64
1 "off"
3 "off" "partial" "full" 
il 2 2 1 0 0 2 1 0 1 64
1 "n"
2 "y" "n" 
hzmm 1 1 1000000000 -1000000000 0 4 1 11 1 64
1 51.3516939603 
0 
hs 4 2 4 0 0 2 1 0 1 64
1 "n"
2 "n" "y" 
homorof3 6 1 13 13 13 2 1 8192 1 64
1 2 
0 
hst 3 1 0.02 0 2.5e-08 2 1 2 1 64
1 0.00800000037998 
0 
ident 2 2 8 0 0 3 1 0 1 64
1 ""
0 
ins2 1 1 9.99999984307e+17 -9.99999984307e+17 0 4 1 0 1 64
1 1 
0 
index2 7 1 32767 0 0 3 1 7 1 64
1 0 
0 
in 4 2 1 0 0 2 1 0 1 64
1 "n"
3 "n" "w" "y" 
ins 3 1 8190 0 1e-07 4 1 3 1 64
1 1 
0 
ins2ref 1 1 9.99999984307e+17 -9.99999984307e+17 0 4 1 0 1 64
1 1 
0 
insref 1 1 9.99999984307e+17 -9.99999984307e+17 0 4 1 0 1 64
1 1 
0 
iswt 1 1 9.99999984307e+17 -9.99999984307e+17 0 2 1 0 1 64
1 0 
0 
io 1 1 500 -500 0.1 4 1 1 1 64
1 48.5981284588 
0 
investigator 2 2 8 0 0 2 1 0 1 64
1 ""
0 
intstd 2 2 8 0 0 2 1 0 1 64
1 ""
0 
investigator_ 2 2 8 0 0 2 1 0 1 64
1 ""
0 
iplanType 1 1 9.99999984307e+17 -9.99999984307e+17 0 2 1 0 1 64
1 0 
0 
iplanDefaultType 1 1 9.99999984307e+17 -9.99999984307e+17 0 2 1 0 1 64
1 0 
0 
is 1 1 1000000000 1e-06 0 4 1 3 1 64
1 1.2194156894 
0 
lb1 1 1 100000 -100000 0 3 1 1 0 64
1 0.318309992552 
0 
layout 2 2 8 0 0 4 1 0 1 64
1 "gnoesyNhsqc"
0 
jch 5 1 1000000000 -1000000000 0 2 1 0 1 64
1 143 
0 
lb 1 1 100000 -100000 0 3 1 1 0 64
1 5 
0 
lcpeak_ 7 1 32767 0 0 2 1 32768 1 64
1 0 
0 
lb2 1 1 100000 -100000 0 3 1 1 0 64
1 1 
0 
lp1 1 1 3600 -3600 0.1 4 1 3 1 64
1 0 
0 
locdir 2 2 8 0 0 2 1 0 1 64
1 ""
0 
llfrq 1 1 1000000000 -1000000000 0 4 1 0 0 64
22 4488.83002471 4483.9466152 4481.01656949 4477.10984188 4323.77078316 3533.63512389 3500.4279392 3465.2673907 3451.59384407 3429.1301603 3407.64315845 3382.24942898 3316.8117415 3283.60455681 3267.97764636 3256.25746353 3244.5372807 3224.02696074 3199.60991317 3195.70318556 3188.86641225 2758.14969316 
0 
linearpred 2 2 8 0 0 2 1 0 1 64
1 "dglp"
0 
lifrq 1 1 1000000000 -1000000000 0 4 1 0 0 64
1 0 
0 
llamp 1 1 1000000000 0 0 4 1 0 0 64
22 0.00014342443319 0.00015805986186 0.000155893620104 0.000143068828038 9.80560216703e-05 0.000247148098424 0.000115748611279 0.00021719103097 0.000294588360703 0.000209454883588 0.000243093993049 0.000100878074591 0.000163626493304 0.000276182516245 9.63944839896e-05 0.000209003395867 0.000212154525798 8.81309242686e-05 0.000169054997968 0.000176181143615 0.000132884364575 0.000143727578688 
0 
load 2 2 4 0 0 2 1 3 1 64
1 "n"
2 "y" "n" 
lllabel 2 2 8 0 0 3 1 0 1 64
1 ""
0 
loc_ 7 1 12 12 12 2 1 8201 1 64
1 0 
0 
lockpower_ 1 1 68 0 1 2 1 65552 1 64
1 45 
0 
lockgain_ 1 1 48 0 1 2 1 65552 1 64
1 46 
0 
lockfreq_ 5 1 160 0 1e-07 2 1 9 1 64
1 92.015 
0 
lockphase_ 1 1 360 0 1 2 1 65552 1 64
1 292 
0 
lot 2 2 8 0 0 2 1 0 1 64
1 ""
0 
longlist 2 2 8 0 0 2 1 256 1 64
1 ""
0 
lp 1 1 3600 -3600 0.1 4 1 3 1 64
1 0 
0 
lpe 1 1 9.99999984307e+17 -9.99999984307e+17 0 2 1 0 1 64
1 0 
0 
lpalg1 2 2 8 0 0 3 1 0 1 64
1 "lpfft"
0 
lpalg 2 2 8 0 0 3 1 0 1 64
1 "lpfft"
0 
lp2 1 1 3600 -3600 0.1 4 1 3 1 64
1 0 
0 
lpalg2 2 2 8 0 0 3 1 0 1 64
1 "lpfft"
0 
lpext1 7 1 1000000 0 1 3 1 0 1 64
1 70 
0 
lpe2 1 1 9.99999984307e+17 -9.99999984307e+17 0 2 1 0 1 64
1 0 
0 
lpext 7 1 1000000 0 1 3 1 0 1 64
1 1 
0 
lpext2 7 1 1000000 0 1 3 1 0 1 64
1 26 
0 
lpfilt 7 1 32767 1 1 3 1 0 1 64
1 32 
0 
nt 7 1 1000000000 1 1 2 1 2 1 64
1 4 
0 
n1 2 2 6 0 0 4 1 3 1 64
1 "ghn_co_CH_2D"
0 
lsfid1 1 1 9.99999984307e+17 -9.99999984307e+17 0 2 1 0 0 64
1 0 
0 
lpprint 7 1 63 0 1 3 1 0 1 64
1 0 
0 
lpnupts2 7 1 1000000 1 1 3 1 0 1 64
1 26 
0 
lpnupts 7 1 1000000 1 1 3 1 0 1 64
1 64 
0 
lpfilt2 7 1 32767 1 1 3 1 0 1 64
1 8 
0 
lpnupts1 7 1 1000000 1 1 3 1 0 1 64
1 70 
0 
lpopt1 2 2 8 0 0 3 1 0 1 64
1 "f"
0 
lpopt 2 2 8 0 0 3 1 0 1 64
1 "b"
0 
lpopt2 2 2 8 0 0 3 1 0 1 64
1 "f"
0 
lptrace1 7 1 32767 0 1 3 1 0 1 64
1 0 
0 
lpprint2 7 1 63 0 1 3 1 0 1 64
1 0 
0 
lpprint1 7 1 63 0 1 3 1 0 1 64
1 0 
0 
lptrace 7 1 32767 0 1 3 1 0 1 64
1 0 
0 
lro 1 1 9.99999984307e+17 -9.99999984307e+17 0 2 1 0 1 64
1 0 
0 
lptrace2 7 1 32767 0 1 3 1 0 1 64
1 0 
0 
lsfid 7 1 64000 -64000 1 3 1 0 0 64
1 0 
0 
math 2 2 1 0 0 3 1 3 1 64
1 "f"
3 "d" "f" "i" 
lsfrq2 1 1 9.99999984307e+17 -9.99999984307e+17 0 3 1 0 0 64
1 0 
0 
lsfrq 1 1 9.99999984307e+17 -9.99999984307e+17 0 3 1 0 0 64
1 0 
0 
lsfid2 7 1 64000 -64000 1 3 1 0 0 64
1 0 
0 
lsfrq1 1 1 9.99999984307e+17 -9.99999984307e+17 0 3 1 0 0 64
1 301.7312968 
0 
macro 2 2 6 0 0 4 1 3 1 64
1 ""
0 
lvl 1 1 1000000000 -1000000000 0 4 1 1 1 64
1 0 
0 
mag_flg 4 2 4 0 0 2 1 0 1 64
1 "n"
0 
mrfb 1 1 256000 1000 1000 2 1 256 0 64
1 0 
0 
mix 3 1 14 14 14 2 1 8192 1 64
1 0.15 
0 
method 2 2 6 0 0 2 1 3 1 64
1 "z1z2"
0 
modules 2 2 8 0 0 2 1 1 1 64
1 " par2D par3D"
0 
mrgain 1 1 60 0 2 2 1 256 0 64
1 0 
0 
nameprefix 2 2 8 0 0 2 1 9 1 64
1 "BPexpress_ubq"
0 
n2 2 2 6 0 0 4 1 3 1 64
1 ""
0 
n15reff2 1 1 9.99999984307e+17 -9.99999984307e+17 0 2 1 0 1 64
1 118.57 
0 
n15reff1 1 1 9.99999984307e+17 -9.99999984307e+17 0 2 1 0 1 64
1 0 
0 
n15reff3 1 1 9.99999984307e+17 -9.99999984307e+17 0 2 1 0 1 64
1 0 
0 
name 2 2 8 0 0 3 1 0 1 64
1 ""
0 
n3 2 2 6 0 0 4 1 3 1 64
1 ""
0 
notebook 2 2 8 0 0 2 1 0 1 64
1 ""
0 
ni 7 1 32767 0 0 2 1 0 1 64
1 70 
0 
newmodules 2 2 8 0 0 2 1 1 1 64
1 ""
0 
ni2 7 1 32767 0 1 2 1 0 1 64
1 26 
0 
np 7 1 524288 32 2 2 1 11 1 64
1 2404 
0 
notebook_ 2 2 8 0 0 2 1 0 1 64
1 ""
0 
ns 1 1 9.99999984307e+17 -9.99999984307e+17 0 2 1 0 1 64
1 0 
0 
parstyle_ 2 2 8 0 0 4 1 0 1 64
1 "ppa"
0 
p1 6 1 13 13 13 2 1 8192 1 64
1 0 
0 
obscenterppm 1 1 9.99999984307e+17 -9.99999984307e+17 0 2 1 0 1 64
1 4.63 
0 
nuc_ni3 2 2 8 0 0 2 1 0 1 64
1 "CO"
0 
nuc_ni 2 2 8 0 0 2 1 0 1 64
1 "Hnoe"
0 
ntype3d 4 2 4 0 0 3 1 0 1 64
1 "nn"
0 
nuc_ni2 2 2 8 0 0 2 1 0 1 64
1 "N"
0 
obsSW 2 2 8 0 0 2 1 1 1 64
1 ""
0 
nuc_obs 2 2 8 0 0 2 1 0 1 64
1 "HN"
0 
osfb 1 1 100000 0 0 2 1 1 0 64
1 0 
0 
orient 2 2 8 0 0 2 1 0 1 64
1 ""
0 
operator_ 2 2 128 0 0 2 1 32772 1 64
1 "et"
0 
oscoef 7 1 49999 3 2 2 1 1 1 64
1 121 
0 
oslsfrq 1 1 9.99999984307e+17 -9.99999984307e+17 0 2 1 1 0 64
1 0 
0 
osfilt 2 2 8 0 0 2 1 0 1 64
1 ""
5 "a" "A" "b" "B" "" 
oversamp 7 1 68 0 1 2 1 9 1 64
1 1 
0 
page 2 2 8 0 0 2 1 0 1 64
1 ""
0 
pad 3 1 14 14 14 2 1 8194 1 64
1 0.5 
0 
p11console 2 2 8 0 0 2 1 0 1 64
1 ""
0 
paramChanged 1 1 9.99999984307e+17 -9.99999984307e+17 0 2 1 0 1 64
1 0 
0 
page_ 2 2 8 0 0 2 1 0 1 64
1 ""
0 
parlabel 2 2 8 0 0 2 1 5 1 64
1 ""
0 
pipeELB 2 2 8 0 0 3 1 0 1 64
2 "0"
"0"
0 
phfid1 1 1 3600 -3600 0.1 3 1 0 0 64
1 0 
0 
path3d 2 2 8 0 0 4 1 0 1 64
1 "/home/et/vnmrsys/exp2/datadir3d"
0 
parversion 1 1 9.99999984307e+17 -9.99999984307e+17 0 2 1 4 1 64
1 5.1 
0 
parver 2 2 8 0 0 2 1 0 1 64
1 "VnmrJ VERSION 4.0 REVISION Test"
0 
phase2 7 1 4 0 1 2 1 0 1 64
2 1 2 
0 
phase 1 1 1e+18 -1e+18 0 2 1 0 1 64
2 1 2 
0 
phfid 1 1 3600 -3600 0.1 3 1 0 0 64
1 0 
0 
phi 1 1 9.99999984307e+17 -9.99999984307e+17 0 2 1 0 1 64
1 0 
0 
phfid2 1 1 3600 -3600 0.1 3 1 0 0 64
1 0 
0 
phi7cal 1 1 360 0 0 2 1 0 0 64
1 0 
0 
pipeQ3 2 2 8 0 0 3 1 0 1 64
2 "0"
"0"
0 
pipeQ1 2 2 8 0 0 3 1 0 1 64
2 "0"
"0"
0 
pipeGOFF 2 2 8 0 0 3 1 0 1 64
2 "0"
"0"
0 
pipeGLB 2 2 8 0 0 3 1 0 1 64
2 "0"
"0"
0 
pipeQ2 2 2 8 0 0 3 1 0 1 64
2 "0"
"0"
0 
pipeistMaxRes 2 2 8 0 0 3 1 0 1 64
1 "default"
0 
pipeistIter 2 2 8 0 0 3 1 0 1 64
1 "default"
0 
pipeistCMult 2 2 8 0 0 3 1 0 1 64
1 "default"
0 
pipeistTMult 2 2 8 0 0 3 1 0 1 64
1 "default"
0 
strtext2 7 1 1000000 1 1 3 1 0 1 64
1 27 
0 
rp1 1 1 3600 -3600 0.1 4 1 3 1 64
1 45 
0 
pwC6 6 1 13 13 13 2 1 8192 1 64
1 89.2 
0 
proc 2 2 10 0 0 3 1 1 1 64
1 "ft"
0 
position2 2 2 8 0 0 3 1 0 1 64
1 ""
0 
pltmod 2 2 8 0 0 4 1 0 1 64
1 "off"
5 "off" "fixed" "full" "variable" "user" 
plocklist 2 2 8 0 0 2 1 1 1 64
1 ""
0 
plane 2 2 8 0 0 4 1 0 1 64
1 "f1f3"
6 "f1f3" "f3f1" "f2f3" "f3f2" "f1f2" "f2f1" 
planeno 7 1 32767 0 0 3 1 7 1 64
1 0 
0 
plt2Darg 2 2 8 0 0 4 1 272 1 64
8 "both"
"20"
"1.3"
"f2"
"f1"
""
""
""
0 
pos2 1 1 9.99999984307e+17 -9.99999984307e+17 0 2 1 0 1 64
1 0 
0 
pmode 2 2 8 0 0 3 1 0 1 64
1 "full"
0 
pltopt 4 2 4 0 0 2 1 0 1 64
1 "y"
0 
pos1 1 1 9.99999984307e+17 -9.99999984307e+17 0 2 1 0 1 64
1 0 
0 
position1 2 2 8 0 0 3 1 0 1 64
1 ""
0 
pos3 1 1 9.99999984307e+17 -9.99999984307e+17 0 2 1 0 1 64
1 0 
0 
prcopt 4 2 4 0 0 2 1 0 1 64
1 "y"
0 
pplvl 1 1 9 9 9 2 1 8192 1 64
1 55 
0 
ppe 1 1 9.99999984307e+17 -9.99999984307e+17 0 2 1 0 1 64
1 0 
0 
pp 6 1 13 13 13 2 1 8192 1 64
1 15 
0 
pra 1 1 9.99999984307e+17 -9.99999984307e+17 0 2 1 0 1 64
1 0 
0 
pplvl_cf 1 1 9.99999984307e+17 -9.99999984307e+17 0 2 1 0 1 64
1 1 
0 
priority 7 1 32768 0 1 2 1 0 1 64
1 5 
0 
prescan 2 2 8 0 0 3 1 256 1 64
11 "Not done"
"Not done"
"off"
"off"
"off"
"off"
"off"
"on"
"on"
""
""
0 
preacq 6 1 13 13 13 2 1 8192 0 64
1 0 
0 
prescribed 2 2 8 0 0 2 1 0 1 64
1 "n"
0 
probe_ 2 2 8 0 0 2 1 8 1 64
1 "HCN"
0 
pro 1 1 9.99999984307e+17 -9.99999984307e+17 0 2 1 0 1 64
1 0 
0 
probetype_ 2 2 8 0 0 2 1 0 1 64
1 "liquids"
0 
psi 1 1 9.99999984307e+17 -9.99999984307e+17 0 2 1 0 1 64
1 0 
0 
proc_obs 2 2 8 0 0 2 1 0 1 64
1 "fn=np*2 lb='n'  gf='n' sb=-at sbs=-0.9*at  proc='ft' "
0 
proc_3d 2 2 8 0 0 2 1 0 1 64
1 "fn=np*2 fn1=ni*4 fn2=ni*4 "
0 
proc2 2 2 8 0 0 3 1 1 1 64
1 "lp"
0 
proc1 2 2 10 0 0 3 2 1 1 64
1 "lp"
0 
proc_ni2 2 2 8 0 0 2 1 0 1 64
1 "fn2=fn_ni2 lb2='n'  gf2='n' sb2=-ni2/sw2 sbs2=-0.9*ni2/sw2   if(proc2='lp')  then BP_set_2x_lp('ni2'):proc2  sb2=-2.0*ni2/sw2 sbs2=-2.0*0.9*ni2/sw2 endif "
0 
proc_ni 2 2 8 0 0 2 1 0 1 64
1 "fn1=fn_ni lb1='n'   gf1='n' sb1=-ni/sw1  sbs1=-0.9*ni/sw1    if(proc1='lp')  then BP_set_2x_lp('ni'):proc1 sb1=-2.0*ni/sw1 sbs1=-2.0*0.9*ni/sw1   endif "
0 
proc_nus_cmd 2 2 8 0 0 2 1 0 1 64
1 "NUSprocIST"
0 
processid 1 1 9.99999984307e+17 -9.99999984307e+17 0 2 1 0 1 64
1 0 
0 
procdim 7 1 32767 0 0 3 1 0 1 64
1 0 
0 
proccmd 2 2 8 0 0 3 1 7 1 64
1 ""
0 
processID 1 1 9.99999984307e+17 -9.99999984307e+17 0 2 1 0 1 64
1 0 
0 
protocols 2 2 8 0 0 3 1 0 1 64
1 ""
0 
processing 2 2 8 0 0 2 1 0 1 64
1 "dgp"
0 
pw 6 1 13 13 13 2 1 8194 1 64
1 8.2 
0 
pss0 1 1 9.99999984307e+17 -9.99999984307e+17 0 2 1 0 1 64
1 0 
0 
pss 1 1 9.99999984307e+17 -9.99999984307e+17 0 2 1 0 1 64
1 0 
0 
pslabel 2 2 8 0 0 2 1 11 1 64
1 "gnoesyNhsqc"
0 
ptspec3d 4 2 4 0 0 3 1 0 1 64
1 "nnn"
0 
pwC3a 6 1 13 13 13 2 1 8192 1 64
1 48.6 
0 
pwC 6 1 13 13 13 2 1 8192 1 64
1 14.9 
0 
pw90 6 1 13 13 13 2 1 8194 1 64
1 8.2 
0 
pwC3 6 1 13 13 13 2 1 8192 1 64
1 48.6 
0 
pwC4 6 1 13 13 13 2 1 8192 1 64
1 48.6 
0 
pwC5 6 1 13 13 13 2 1 8192 1 64
1 89.2 
0 
ref 1 1 9.99999984307e+17 -9.99999984307e+17 0 3 4 0 1 64
1 0 
0 
pwx2 6 1 13 13 13 2 1 8192 1 64
1 15 
0 
pwClvl 1 1 63 -37 0.5 2 1 2 1 64
1 55 
0 
pwC8a 6 1 13 13 13 2 1 8192 1 64
1 80.8 
0 
pwC7a 6 1 13 13 13 2 1 8192 1 64
1 80.8 
0 
pwC7 6 1 13 13 13 2 1 8192 1 64
1 80.8 
0 
pwC8 6 1 13 13 13 2 1 8192 1 64
1 80.8 
0 
pwC9a 6 1 13 13 13 2 1 8192 1 64
1 80.8 
0 
pwC9 6 1 13 13 13 2 1 8192 1 64
1 80.8 
0 
pwCd 6 1 13 13 13 2 1 8192 1 64
1 250 
0 
pwsl 6 1 13 13 13 2 1 8192 1 64
1 40 
0 
pwN 6 1 13 13 13 2 1 8192 1 64
1 34 
0 
pwHs 6 1 13 13 13 2 1 8192 1 64
1 1420 
0 
pwNlvl 1 1 63 -37 0.5 2 1 2 1 64
1 54 
0 
pwx 6 1 13 13 13 2 1 8192 1 64
1 15 
0 
r3 1 1 1e+18 -1e+18 0 4 1 1 1 64
1 -1.89802966402 
0 
pwxlvl 1 1 9 9 9 2 1 8192 1 64
1 55 
0 
pwx2lvl 1 1 18 18 18 2 1 8192 1 64
1 55 
0 
pwx2lvl_cf 1 1 9.99999984307e+17 -9.99999984307e+17 0 2 1 0 1 64
1 1 
0 
r1 1 1 1e+18 -1e+18 0 4 1 1 1 64
1 6.29653826103 
0 
pwxlvl_cf 1 1 9.99999984307e+17 -9.99999984307e+17 0 2 1 0 1 64
1 1 
0 
r2 1 1 1e+18 -1e+18 0 4 1 1 1 64
1 0 
0 
r7 1 1 1e+18 -1e+18 0 4 1 1 1 64
1 0 
0 
r5 1 1 1e+18 -1e+18 0 4 1 1 1 64
1 0 
0 
r4 1 1 1e+18 -1e+18 0 4 1 1 1 64
1 0 
0 
r6 1 1 1e+18 -1e+18 0 4 1 1 1 64
1 0 
0 
rcvrs 4 2 4 0 0 2 1 1 1 64
1 "y"
2 "n" "y" 
radialAngles 1 1 9.99999984307e+17 -9.99999984307e+17 0 4 1 0 1 64
1 0 
0 
rcvrwt 1 1 9.99999984307e+17 -9.99999984307e+17 0 2 1 256 1 64
1 1 
0 
researchgroup 2 2 8 0 0 2 1 0 1 64
1 ""
0 
refpos 1 1 9.99999984307e+17 -9.99999984307e+17 0 4 1 0 1 64
1 0 
0 
reffrq 1 1 9.99999984307e+17 -9.99999984307e+17 0 4 1 0 1 64
1 599.419696162 
0 
ref_pw90 1 1 9.99999984307e+17 -9.99999984307e+17 0 2 1 0 1 64
1 7.63 
0 
ref1 1 1 9.99999984307e+17 -9.99999984307e+17 0 2 1 0 1 64
1 0 
0 
ref_pwr 1 1 9.99999984307e+17 -9.99999984307e+17 0 2 1 0 1 64
1 53 
0 
reffrq2 1 1 9.99999984307e+17 -9.99999984307e+17 0 4 1 0 1 64
1 60.7386703227 
0 
reffrq1 1 1 9.99999984307e+17 -9.99999984307e+17 0 4 1 0 1 64
1 599.419696162 
0 
refsource2 2 2 8 0 0 4 1 0 1 64
1 "dfrq2"
0 
refpos2 1 1 9.99999984307e+17 -9.99999984307e+17 0 4 1 0 0 64
1 0 
0 
refpos1 1 1 9.99999984307e+17 -9.99999984307e+17 0 4 1 0 0 64
1 0 
0 
refsource1 2 2 8 0 0 4 1 0 1 64
1 "dfrq"
0 
relaxT 3 1 14 14 14 2 1 8192 1 64
1 0 
0 
refstd_ 2 2 8 0 0 2 1 65808 1 64
1 "Bio"
0 
rfl2 1 1 9.99999984307e+17 -9.99999984307e+17 0 4 1 0 1 64
1 -6542.67729126 
0 
rfl 1 1 1000000000 -1000000000 0 4 1 1 1 64
1 3234.27685073 
0 
rfband 4 2 4 0 0 2 1 0 1 64
1 "cccc"
3 "c" "h" "l" 
retentiontime_ 2 2 8 0 0 2 1 0 1 64
1 ""
0 
rfcoil 2 2 8 0 0 2 1 0 1 64
1 ""
0 
rfl1 1 1 1000000000 -1000000000 0 4 1 1 1 64
1 724.661466134 
0 
rfp2 1 1 9.99999984307e+17 -9.99999984307e+17 0 4 1 0 1 64
1 0 
0 
rfp 1 1 1000000000 -1000000000 0 4 1 1 1 64
1 0 
0 
rfp1 1 1 1000000000 -1000000000 0 4 1 1 1 64
1 0 
0 
rof2 6 1 8192 0 0.1 2 1 2 1 64
1 28 
0 
rof1 6 1 13 13 13 2 1 8194 1 64
1 10 
0 
rp 1 1 3600 -3600 0.1 4 1 3 1 64
1 -201.1 
0 
sdirtmplt 2 2 8 0 0 2 1 0 1 64
1 "%DATE%_"
0 
satmode 4 2 4 0 0 2 1 0 1 64
1 "yn"
0 
sampleowner 2 2 8 0 0 2 1 0 1 64
1 ""
0 
sample 2 2 8 0 0 2 1 1 1 64
1 "20130307_01"
0 
rp2 1 1 3600 -3600 0.1 4 1 3 1 64
1 0 
0 
sa 7 1 10000000 0 0 3 1 1 0 64
1 1024 
0 
samplename 2 2 8 0 0 2 1 9 1 64
1 "BPexpress_ubq"
0 
sample_noise 1 1 9.99999984307e+17 -9.99999984307e+17 0 2 1 0 1 64
1 0 
0 
samplename_global_ 2 2 8 0 0 2 1 0 1 64
1 ""
0 
sar 1 1 9.99999984307e+17 -9.99999984307e+17 0 2 1 256 1 64
2 0 0 
0 
sampwt 1 1 9.99999984307e+17 -9.99999984307e+17 0 2 1 0 1 64
1 0 
0 
sampling 2 2 8 0 0 2 1 0 1 64
1 "sparse"
0 
satdly 1 1 1e+18 -1e+18 0 2 1 0 1 64
1 1 
0 
sas 7 1 10000000 0 0 3 1 1 0 64
1 0 
0 
satfrq 5 1 1000000000 -1000000000 0 2 1 0 1 64
1 -219.2 
0 
sb2 1 1 1000 -1000 0.001 3 1 1 1 64
1 -0.039 
0 
saveglobal_ 2 2 8 0 0 3 1 0 1 64
25 "probe"
"lcpeak"
"loc"
"lockpower"
"lockgain"
"lockphase"
"lockfreq"
"z0"
"lkof"
"vloc"
"vrack"
"vzone"
"vproto"
"pkpick"
"parstyle"
"operator"
"studyid"
"systemname"
"probetype"
"refstd"
"investigator"
"notebook"
"page"
"study"
"samplename_global"
0 
satpwr 1 1 1e+18 -1e+18 0 2 1 0 1 64
1 -6 
0 
satpos 1 1 9.99999984307e+17 -9.99999984307e+17 0 2 1 0 1 64
1 0 
0 
satthk 1 1 9.99999984307e+17 -9.99999984307e+17 0 2 1 0 1 64
1 0 
0 
sb 1 1 1000 -1000 0.001 3 1 0 1 64
1 -0.1 
0 
saveshapes 2 2 8 0 0 2 1 256 1 64
1 ""
0 
sb1 1 1 1000 -1000 0.001 3 1 1 1 64
1 -0.02 
0 
sc 1 1 1 1 1 4 1 8195 1 64
1 3.125 
0 
sbs1 1 1 1000 -1000 0.001 3 1 1 1 64
1 -0.018 
0 
sbs 1 1 1000 -1000 0.001 3 1 1 1 64
1 -0.09 
0 
sbs2 1 1 1000 -1000 0.001 3 1 1 1 64
1 -0.035 
0 
scans 2 2 8 0 0 3 1 0 1 64
1 ""
0 
sc2 1 1 3 3 3 4 1 8195 1 64
1 0 
0 
scoutinfo 2 2 8 0 0 2 1 256 1 64
1 ""
0 
sphi 1 1 9.99999984307e+17 -9.99999984307e+17 0 2 1 0 1 64
1 0 
0 
shims 2 2 8 0 0 2 1 0 1 64
1 ""
0 
sf 1 1 8190 0 1e-07 4 1 3 1 64
1 0 
0 
sequence 2 2 8 0 0 2 1 0 1 64
1 "dg2"
0 
seqfil 2 2 8 0 0 2 1 11 1 64
1 "gnoesyNhsqc"
0 
setup_nus_cmd 2 2 8 0 0 2 1 0 1 64
1 "write('line3','Using default standard VNMRJ NUS setup for all dimensions') CSschedule time"
0 
sf2 1 1 9.99999984307e+17 -9.99999984307e+17 0 4 1 0 1 64
1 0 
0 
sf1 1 1 9.99999984307e+17 -9.99999984307e+17 0 4 1 0 1 64
1 0 
0 
sfrq 1 1 1000000000 0 0 2 1 11 1 64
1 599.4224715 
0 
sp 1 1 1000000000 -1000000000 0 4 4 3 1 64
1 3585.22810741 
0 
solvent 2 2 6 0 0 2 1 11 1 64
1 "D2O"
0 
sn 1 1 1e+18 -1e+18 0 3 1 1 1 64
1 0 
0 
sorient 2 2 8 0 0 2 1 0 1 64
1 ""
0 
sp2 1 1 9.99999984307e+17 -9.99999984307e+17 0 4 1 0 1 64
1 6552.98979128 
0 
sp1 1 1 1000000000 -1000000000 0 4 1 3 1 64
1 -724.661465907 
0 
specdc3d 4 2 4 0 0 3 1 0 1 64
1 "nnn"
0 
sslsfrq 1 1 9.99999984307e+17 -9.99999984307e+17 0 3 1 0 1 64
1 0 
0 
srate 7 1 32767 0 1 2 1 1 1 64
1 25 
0 
spsi 1 1 9.99999984307e+17 -9.99999984307e+17 0 2 1 0 1 64
1 0 
0 
spin 1 1 39 0 1 2 1 0 0 64
1 0 
0 
ss 7 1 32767 -32768 0 2 1 0 1 64
1 4 
0 
sreffrq 1 1 9.99999984307e+17 -9.99999984307e+17 0 2 1 0 1 64
1 599.419696162 
0 
ssfilter 1 1 50000 10 0.1 3 1 0 1 64
1 100 
0 
sspul 4 2 4 0 0 2 1 0 1 64
1 "n"
0 
ssorder 7 1 20 1 1 3 1 0 0 64
1 7 
0 
ssntaps 7 1 2500 0 1 3 1 0 1 64
1 200 
0 
strtext 7 1 1000000 1 1 3 1 0 1 64
1 1 
0 
stheta 1 1 9.99999984307e+17 -9.99999984307e+17 0 2 1 0 1 64
1 0 
0 
strtext1 7 1 1000000 1 1 3 1 0 1 64
1 71 
0 
weight 1 1 9.9e+17 0 0.001 3 1 0 1 64
1 0 
0 
vf 1 1 1000000000 0 0 4 1 3 1 64
1 72582.9 
0 
time_exp 2 2 8 0 0 2 1 0 1 64
1 ""
0 
sw2 1 1 5000000 1 -2.5e-08 2 6 0 1 64
1 1320 
0 
studyowner 2 2 8 0 0 2 1 0 1 64
1 "et"
0 
strtpar 2 2 8 0 0 2 1 0 1 64
1 ""
0 
strtlp1 7 1 1000000 1 1 3 1 0 1 64
1 70 
0 
strtlp 7 1 1000000 1 1 3 1 0 1 64
1 2 
0 
strtlp2 7 1 1000000 1 1 3 1 0 1 64
1 26 
0 
study_ 2 2 8 0 0 2 1 0 1 64
1 ""
0 
study 2 2 8 0 0 3 1 0 1 64
1 ""
0 
studyid_ 2 2 8 0 0 2 1 0 1 64
1 "tmpstudy"
0 
svfopt 4 2 4 0 0 2 1 0 1 64
1 "y"
0 
studystatus 2 2 8 0 0 2 1 0 1 64
1 ""
0 
studypath 2 2 8 0 0 2 1 0 1 64
1 ""
0 
sw 1 1 5 5 5 2 1 8203 1 64
1 12019.2307692 
0 
svftmplt 2 2 8 0 0 2 1 0 1 64
1 "$pslabel$_"
0 
sw1 1 1 1e+18 -1e+18 0 2 4 0 1 64
1 7000 
0 
text_string 2 2 8 0 0 4 1 256 1 64
1 ""
0 
t2 3 1 14 14 14 2 1 8192 1 64
1 0 
0 
t1 3 1 14 14 14 2 1 8192 1 64
1 0 
0 
systemname_ 2 2 8 0 0 2 1 0 1 64
1 "app600b-vnmrs600"
0 
tauCH 3 1 14 14 14 2 1 8192 1 64
1 0.0017 
0 
t3 3 1 14 14 14 2 1 8192 1 64
1 0 
0 
temp 1 1 200 -150 0.1 2 1 8 1 64
1 25 
0 
theta 1 1 9.99999984307e+17 -9.99999984307e+17 0 2 1 0 1 64
1 0 
0 
th2d 1 1 1 1e-18 0 4 1 17 1 64
1 0.8 
0 
th 1 1 1000000000 0 0 4 1 1 1 64
1 4 
0 
timeTN 3 1 14 14 14 2 1 8192 1 64
1 0.014 
0 
thk 1 1 9.99999984307e+17 -9.99999984307e+17 0 2 1 0 1 64
1 0 
0 
time_complete 2 2 8 0 0 2 1 0 1 64
1 "20130308T054234"
0 
tpwrsf 1 1 9.99999984307e+17 -9.99999984307e+17 0 2 1 0 1 64
1 2090 
0 
tin 2 2 1 0 0 2 1 2 1 64
1 "n"
3 "n" "w" "y" 
time_saved 2 2 8 0 0 2 1 0 1 64
1 ""
0 
time_processed 2 2 8 0 0 3 1 0 1 64
1 ""
0 
time_plotted 2 2 8 0 0 3 1 0 1 64
1 ""
0 
time_run 2 2 8 0 0 2 1 0 1 64
1 "20130308T030558"
0 
time_submitted_local 2 2 8 0 0 2 1 0 1 64
1 "20130307T164033X04PMThuMar"
0 
time_submitted 2 2 8 0 0 2 1 0 1 64
1 "20130307T164033"
0 
time_svfdate 2 2 8 0 0 2 1 0 1 64
1 "20130307T164033"
0 
tnshapes 2 2 8 0 0 2 1 256 1 64
3 ""
""
""
0 
tn 2 2 4 0 0 2 1 8 1 64
1 "H1"
0 
tlt 1 1 1000000000 -1000000000 0 4 1 1 1 64
1 0 
0 
tnref 2 2 8 0 0 4 1 1 1 64
1 ""
0 
tpwr 1 1 63 -37 0.5 2 1 2 1 64
1 53 
0 
tof 5 1 7 7 7 2 1 8202 1 64
1 -221.8 
0 
tpwr_cf 1 1 9.99999984307e+17 -9.99999984307e+17 0 2 1 0 1 64
1 1 
0 
tpwrsl 1 1 9.99999984307e+17 -9.99999984307e+17 0 2 1 0 1 64
1 46 
0 
tpwrsf_i 1 1 9.99999984307e+17 -9.99999984307e+17 0 2 1 0 1 64
1 2090 
0 
tpwrsf_d 1 1 9.99999984307e+17 -9.99999984307e+17 0 2 1 0 1 64
1 2490 
0 
tpwrsf_a 1 1 9.99999984307e+17 -9.99999984307e+17 0 2 1 0 1 64
1 2400 
0 
tpwrsf_t 1 1 9.99999984307e+17 -9.99999984307e+17 0 2 1 0 1 64
1 2260 
0 
tpwrsf_n 1 1 9.99999984307e+17 -9.99999984307e+17 0 2 1 0 1 64
1 1940 
0 
tpwrsf_u 1 1 9.99999984307e+17 -9.99999984307e+17 0 2 1 0 1 64
1 1890 
0 
username 2 2 8 0 0 2 1 0 1 64
1 ""
0 
trise 1 1 9.99999984307e+17 -9.99999984307e+17 0 2 1 0 1 64
1 1e-05 
0 
trace 2 2 2 0 0 4 1 3 1 64
1 "f2"
3 "f1" "f2" "f3" 
tunemethod 2 2 8 0 0 2 1 0 1 64
1 "n"
0 
userprocess 2 2 8 0 0 2 1 0 1 64
1 "return"
0 
userplotter 2 2 8 0 0 4 1 0 1 64
1 ""
0 
vproto_ 2 2 8 0 0 2 1 0 1 64
1 ""
0 
vox2 1 1 9.99999984307e+17 -9.99999984307e+17 0 2 1 0 1 64
1 0 
0 
vo 1 1 500 -500 0 4 1 1 1 64
1 0 
0 
vjdialogarg 2 2 8 0 0 4 1 256 1 64
1 ""
0 
vjdialog 2 2 8 0 0 4 1 256 1 64
1 ""
0 
vloc_ 2 2 8 0 0 2 1 8 1 64
1 "A0"
0 
vorient 2 2 8 0 0 2 1 0 1 64
1 ""
0 
volume 1 1 9.99999984307e+17 -9.99999984307e+17 0 2 1 0 1 64
1 0 
0 
vox1 1 1 9.99999984307e+17 -9.99999984307e+17 0 2 1 0 1 64
1 0 
0 
vpfi 1 1 500 -500 0 4 1 0 1 64
1 0 
0 
vp 7 1 500 -500 0.1 4 1 3 1 64
1 10 
0 
vox3 1 1 9.99999984307e+17 -9.99999984307e+17 0 2 1 0 1 64
1 0 
0 
vpf 1 1 500 -500 0 4 1 0 1 64
1 0 
0 
vphi 1 1 9.99999984307e+17 -9.99999984307e+17 0 2 1 0 1 64
1 0 
0 
vtheta 1 1 9.99999984307e+17 -9.99999984307e+17 0 2 1 0 1 64
1 0 
0 
vs 1 1 1000000000 1e-06 0 4 1 3 1 64
1 84852.8301539 
0 
vpsi 1 1 9.99999984307e+17 -9.99999984307e+17 0 2 1 0 1 64
1 0 
0 
vrack_ 7 1 5 1 0 2 1 0 1 64
1 1 
0 
vsproj 1 1 1000000000 1e-06 0 4 1 3 1 64
1 54273.1689096 
0 
vs2d 1 1 1000000000 1e-06 0 4 1 3 1 64
1 19579.9903227 
0 
vtc 1 1 255 0 1 2 1 2 1 64
1 15 
0 
wc 1 1 2 2 2 4 1 8203 1 64
1 237.5 
0 
vzone_ 7 1 15 1 0 2 1 0 1 64
1 1 
0 
vtwait 3 1 14 14 14 2 1 8194 1 64
1 1 
0 
wbs 2 2 6 0 0 3 1 3 1 64
1 ""
0 
wdone 2 2 8 0 0 3 1 0 1 64
1 ""
0 
wc2 1 1 4 4 4 4 1 8195 1 64
1 154.5 
0 
wds 2 2 8 0 0 3 1 0 1 64
1 ""
0 
z1 7 1 19 19 19 2 1 8192 1 64
1 2808 
0 
wtfile2 2 2 8 0 0 3 1 1 1 64
1 ""
0 
wp1 1 1 100000 0 0 4 1 3 1 64
1 7000 
0 
wf1 1 1 9.99999984307e+17 -9.99999984307e+17 0 4 1 0 1 64
1 0.0365714285714 
0 
wexp 2 2 6 0 0 3 1 3 1 64
1 "savefid"
0 
werr 2 2 6 0 0 3 1 3 1 64
1 ""
0 
wf 1 1 8190 0 1e-07 4 1 3 1 64
1 0.1000064 
0 
wnt 2 2 6 0 0 3 1 3 1 64
1 ""
0 
wf2 1 1 9.99999984307e+17 -9.99999984307e+17 0 4 1 0 1 64
1 0.193939393939 
0 
wp 1 1 5000000 0 0 4 4 11 1 64
1 2277.08082932 
0 
wshim 4 2 4 0 0 2 1 1 1 64
1 "n"
15 "e" "f" "g" "n" "s" "0" "1" "2" "3" "4" "5" "6" "7" "8" "9" 
wqinit 2 2 8 0 0 4 1 0 1 64
1 ""
0 
wp2 1 1 9.99999984307e+17 -9.99999984307e+17 0 4 1 0 1 64
1 1304.53125 
0 
wrtp 2 2 8 0 0 3 1 0 1 64
1 ""
0 
wtfile 2 2 15 0 0 3 1 1 1 64
1 ""
0 
wstart 2 2 8 0 0 3 1 0 1 64
1 ""
0 
wtfile1 2 2 15 0 0 3 2 1 1 64
1 ""
0 
xz 7 1 19 19 19 2 1 8192 1 64
1 3456 
0 
x3 7 1 19 19 19 2 1 8192 1 64
1 8694 
0 
x1 7 1 19 19 19 2 1 8192 1 64
1 624 
0 
wtune 4 2 4 0 0 2 1 0 1 64
1 "n"
11 "s" "t" "e" "i" "n" "o" "v" "1" "2" "3" "4" 
x2y2 7 1 19 19 19 2 1 8192 1 64
1 -1549 
0 
xdiag 1 1 1e+18 0 0 4 1 17 1 64
1 0 
0 
x4 7 1 19 19 19 2 1 8192 1 64
1 0 
0 
xy 7 1 19 19 19 2 1 8192 1 64
1 1842 
0 
y4 7 1 19 19 19 2 1 8192 1 64
1 0 
0 
y1 7 1 19 19 19 2 1 8192 1 64
1 5067 
0 
xz2 7 1 19 19 19 2 1 8192 1 64
1 -522 
0 
y3 7 1 19 19 19 2 1 8192 1 64
1 8716 
0 
yz2 7 1 19 19 19 2 1 8192 1 64
1 -18988 
0 
yz 7 1 19 19 19 2 1 8192 1 64
1 6135 
0 
z0_ 1 1 19 19 19 2 1 73744 1 64
1 -16263 
0 
z3y3 7 1 19 19 19 2 1 8192 1 64
1 0 
0 
z3 7 1 19 19 19 2 1 8192 1 64
1 -7878 
0 
z2x2y2 7 1 19 19 19 2 1 8192 1 64
1 -4853 
0 
z2 7 1 19 19 19 2 1 8192 1 64
1 -424 
0 
z1c 7 1 19 19 19 2 1 8192 1 64
1 0 
0 
z2c 7 1 19 19 19 2 1 8192 1 64
1 0 
0 
z2xy 7 1 19 19 19 2 1 8192 1 64
1 -4477 
0 
z2x3 7 1 19 19 19 2 1 8192 1 64
1 0 
0 
z2y3 7 1 19 19 19 2 1 8192 1 64
1 0 
0 
z3x2y2 7 1 19 19 19 2 1 8192 1 64
1 0 
0 
z3x 7 1 19 19 19 2 1 8192 1 64
1 5929 
0 
z3c 7 1 19 19 19 2 1 8192 1 64
1 0 
0 
z3xy 7 1 19 19 19 2 1 8192 1 64
1 0 
0 
z3x3 7 1 19 19 19 2 1 8192 1 64
1 0 
0 
z3y 7 1 19 19 19 2 1 8192 1 64
1 10198 
0 
z5x 7 1 19 19 19 2 1 8192 1 64
1 0 
0 
z4x2y2 7 1 19 19 19 2 1 8192 1 64
1 0 
0 
z4c 7 1 19 19 19 2 1 8192 1 64
1 0 
0 
z4 7 1 19 19 19 2 1 8192 1 64
1 6188 
0 
z4x 7 1 19 19 19 2 1 8192 1 64
1 6385 
0 
z4y 7 1 19 19 19 2 1 8192 1 64
1 -700 
0 
z4xy 7 1 19 19 19 2 1 8192 1 64
1 0 
0 
z5 7 1 19 19 19 2 1 8192 1 64
1 864 
0 
z8 7 1 19 19 19 2 1 8192 1 64
1 0 
0 
z6 7 1 19 19 19 2 1 8192 1 64
1 10610 
0 
z5y 7 1 19 19 19 2 1 8192 1 64
1 0 
0 
z7 7 1 19 19 19 2 1 8192 1 64
1 -2218 
0 
zx2y2 7 1 19 19 19 2 1 8192 1 64
1 4744 
0 
zoom 7 1 32767 0 0 4 1 0 1 64
1 0 
0 
zxy 7 1 19 19 19 2 1 8192 1 64
1 -827 
0 
zx3 7 1 19 19 19 2 1 8192 1 64
1 -4600 
0 
zy3 7 1 19 19 19 2 1 8192 1 64
1 -1498 
0 
