ins 3 1 8190 0 1e-07 4 1 3 1 64
1 1 
0 
downsamp 7 1 999 1 1 3 1 1 0 64
1 0 
0 
date 2 2 9 0 0 2 1 1 1 64
1 "Mar 20 2000"
0 
calN 1 1 9.99999984307e+17 -9.99999984307e+17 0 2 1 0 1 64
1 1 
0 
awc 1 1 1 -1 0.001 3 1 1 0 64
1 0 
0 
alfa 6 1 8192 -8192 0.1 2 1 2 1 64
1 2 
0 
Noe 4 2 4 0 0 2 1 0 1 64
1 "n"
0 
JNH 1 1 9.99999984307e+17 -9.99999984307e+17 0 2 1 0 1 64
1 100 
0 
C13refoc 2 2 8 0 0 2 1 0 1 64
1 "y"
0 
B0 1 1 9.99999984307e+17 -9.99999984307e+17 0 2 1 0 1 64
1 140964 
0 
NH2only 2 2 8 0 0 2 1 0 1 64
1 "n"
0 
T2 4 2 4 0 0 2 1 0 1 64
1 "n"
0 
T1rho 4 2 4 0 0 2 1 0 1 64
1 "n"
0 
T1 4 2 4 0 0 2 1 0 1 64
1 "n"
0 
acqstatus 7 1 32767 0 0 2 1 0 1 64
2 101 6 
0 
TROSY 4 2 4 0 0 2 1 0 1 64
1 "n"
0 
aig 2 2 2 0 0 4 1 1 1 64
1 "ai"
2 "nm" "ai" 
arraydim 7 1 32768 1 1 2 1 5 1 64
1 256 
0 
ap 2 2 1023 0 0 4 1 6 1 64
1 "1:ACQUISITION H1:sfrq:3,at:3,np:0,sw:1,bs,ss,tpwr:0,compH:2,pw:1,pwHs:0,d1:3,tof:1,nt:0,ct:0,gain:0;1:SAMPLE:date,file,solvent,temp:1;1:C13 PULSES:dfrq:3,dof:0,pwClvl:0,compC:2,pwC:2;1:OPTIONS:C13refoc,NH2only,T1,T2,T1rho,JNH:1,maxrelaxT:1,relaxT:2;1:N15 PULSES:dfrq2:3,dof2:0,pwN:1,pwNlvl:0,dpwr2:0,dm2,dmm2,dmf2:0,dseq2;1:2D PARAMETERS 15N:d2:4,sw1:1,ni,f1180,phase;2:GRADIENTS:mag_flg,gzcal(mag_flg):6,gzlvl1,gt1:4,gzlvl2,gzlvl3,gt3:4,gzlvl4,gt4:4,gzlvl5,gt5:4,gzlvl0,gt0:4;2:FLAGS ETC:TROSY,dp,hs,il,,werr,wbs,wnt,wexp;2:DISPLAY:sp:1,wp:1,vs:0,sc:0,wc:0,hzmm:2,is:2,rfl:1,rfp:1,th:0,ins:3,aig*,dcg*,dmg*;2:2D DISPLAY:sp1:1,wp1:1,sc2:0,wc2:0,rfl1:1,rfp1:1;2:PROCESSING:lb(lb):2,sb(sb):3,sbs(sb):3,gf(gf):3,gfs(gf):3,fn:0,math;2:2D PROCESSING:lb1(lb1):3,sb1(sb1):3,sbs1(sb1):3,gf1(gf1):3,gfs1(gf1):3,fn1:0;"
0 
alock 2 2 8 0 0 2 1 0 1 64
1 "n"
5 "a" "n" "s" "u" "y" 
array 2 2 256 0 0 2 1 1 1 64
1 "phase"
0 
at 1 1 14 14 14 2 1 8203 1 64
1 0.06016 
0 
arrayelemts 1 1 9.99999984307e+17 -9.99999984307e+17 0 2 1 0 1 64
1 2 
0 
bs 7 1 32767 0 1 2 1 0 1 64
1 16 
0 
axis 4 2 4 0 0 4 1 0 1 64
1 "p2"
11 "c" "d" "1" "2" "3" "h" "k" "m" "n" "p" "u" 
awc2 1 1 1 -1 0.001 3 1 1 0 64
1 0 
0 
awc1 1 1 1 -1 0.001 3 1 1 0 64
1 0 
0 
axisf 4 2 4 0 0 4 1 0 1 64
1 "s"
4 "m" "n" "s" "u" 
boresize 1 1 9.99999984307e+17 -9.99999984307e+17 0 2 1 0 1 64
1 5.1 
0 
cal 1 1 9.99999984307e+17 -9.99999984307e+17 0 2 1 0 1 64
1 4.2 
0 
calH 1 1 9.99999984307e+17 -9.99999984307e+17 0 2 1 0 1 64
1 1 
0 
cutoff 1 1 9.99999984307e+17 -9.99999984307e+17 0 4 1 0 0 64
1 200 
0 
compN 1 1 9.99999984307e+17 -9.99999984307e+17 0 2 1 0 1 64
1 0.84 
0 
compC 1 1 9.99999984307e+17 -9.99999984307e+17 0 2 1 0 1 64
1 0.874 
0 
cf 7 1 32767 0 1 3 1 1 0 64
1 1 
0 
celem 1 1 9.99999984307e+17 -9.99999984307e+17 0 2 1 0 1 64
1 256 
0 
compH 1 1 9.99999984307e+17 -9.99999984307e+17 0 2 1 0 1 64
1 0.92 
0 
cr 1 1 1000000000 -1000000000 0 4 1 1 1 64
1 -12363.7782402 
0 
cp 2 2 1 0 0 2 1 0 1 64
1 "y"
2 "y" "n" 
console 2 2 8 0 0 2 1 0 1 64
1 "inova"
0 
cr2 1 1 9.99999984307e+17 -9.99999984307e+17 0 4 1 0 1 64
1 7783.91693696 
0 
cr1 1 1 1000000000 -1000000000 0 4 1 3 1 64
1 7294.97390637 
0 
ct 7 1 1000000000 0 1 2 1 6 1 64
1 8 
0 
d3 3 1 14 14 14 2 1 8194 1 64
1 0 
0 
d2 3 1 14 14 14 2 1 8194 1 64
1 0 
0 
d1 3 1 14 14 14 2 1 8194 1 64
1 1 
0 
d4 3 1 14 14 14 2 1 8192 1 64
1 0 
0 
dmg1 2 2 8 0 0 4 1 0 1 64
1 ""
4 "" "av1" "ph1" "pwr1" 
dg2 2 2 1023 0 0 4 1 7 1 64
1 "1:CHANNEL 2:dfrq:3,dn,dpwr:0,dof:1,dm,dmm;2:CHANNEL 3:dfrq2:3,dn2,dpwr2:0,dof2:1,dm2,dmm2,dmf2:0,dseq2,dres2:1;3(dm3='nyn'):CHANNEL 4:dfrq3:3,dn3,dpwr3,dof3:1,dm3,dmm3,dmf3,dseq3,dres3:1;4:GRADIENTS:gzlvl1:0,gzlvl2:0,gt1:5,,gzlvl0:0,gt0:5,gzlvl3:0,gt3:5,gzlvl4:0,gt4:5,gzlvl5:0,gt5:5,gzlvl6:0;"
0 
dfrq2 1 1 1000000000 0 0 2 1 9 1 64
1 60.7593305 
0 
delta2 1 1 9.99999984307e+17 -9.99999984307e+17 0 4 1 0 1 64
1 1598.37728195 
0 
delta 1 1 2000000 0 0 4 1 1 1 64
1 3081.15085148 
0 
dcg 2 2 3 0 0 4 1 1 1 64
1 ""
2 "dc" "cdc" 
delta1 1 1 2000000 0 0 4 1 3 1 64
1 2089.16063146 
0 
dfrq 5 1 1000000000 -1000000000 0 2 1 8 1 64
1 150.7724341 
0 
deltaf 1 1 100 0 0 4 1 0 1 64
1 0 
0 
dg 2 2 1023 0 0 4 1 6 1 64
1 "1:ACQUISITION H1:sfrq:3,at:3,np:0,sw:1,bs(bx),ss,tpwr:0,compH:2,pw:1,pwHs:0,calH:2,d1:3,tof:1,nt:0,ct:0,gain:0;2:C13 RF:dfrq:5,dof:0,pwClvl:0,compC:2,pwC:2;2:OPTIONS:C13refoc,NH2only,T1,T1rho,T2,JNH:1,maxrelaxT(relaxT):1,relaxT:3;3:N15 RF:dfrq2:3,dof2:0,pwN:1,pwNlvl:0,compN:2,calN:2,,dpwr2:0,dm2,dmm2,dmf2;3:15N DIMENSION:d2(d2):6,sw1:1,ni,phase,f1180;4:SELECTION:TROSY,mag_flg,gzcal(mag_flg):6,gt1:5,gzlvl1:0,gzlvl2:0;4:SAMPLE:date,solvent,temp:1,,;4:FOR INFORMATION:sequence,processing,linearpred;"
0 
dfrq3 1 1 1000000000 0 0 2 1 9 1 64
1 92.232819 
0 
dg1 2 2 8 0 0 4 1 0 1 64
1 "1:DISPLAY:sp:1,wp:1,sp1(ni):1,wp1(ni):1,sp2(ni2):1,wp2(ni2):1;1:FID:sf:3,wf:3,vf:0;1:FLAGS:aig*,dcg*,pmode*(ni),dmg*,dmg1*(ni),dmg2*(ni2);1:PHASE:rp:1,lp:1,rp1:1,lp1:1,rp2:1,lp2:1;2:REFERENCING:rfl:1,rfp:1,cr:1,delta:1,,rfl1(ni):1,rfp1(ni):1,cr1(ni):1,delta1(ni):1,,rfl2(ni2):1,rfp2(ni2):1,cr2(ni2):1,delta2(ni2):1;3:CHART:sc:0,wc:0,sc2(ni):0,wc2(ni):0,,hzmm:2,vs:1,vp:1,th:1,ho:2,vo:2,axis,,pltmod,rplot;4(ni):DIMENSIONS:trace,plane(ni2);4:INTEGRAL:intmod,is:2,ins:3,io:0,,lvl:3,tlt:3;4(ni2):3D OPTIONS:fiddc3d,specdc3d,ptspec3d,ntype3d;"
0 
dm 4 2 4 0 0 2 1 0 1 64
1 "nnn"
4 "a" "n" "s" "y" 
dhp 1 1 9 9 9 2 1 8192 0 64
1 40 
0 
dgp 2 2 8 0 0 4 1 0 1 64
1 "1:DOWNSAMPLE:downsamp,dscoef,dsfb,dslsfrq,filtfile;1:OVERSAMPLE:oversamp,oscoef,osfb,oslsfrq,osfilt,fsqd;1:CONDITIONAL:werr,wexp,wbs,wnt;2:WEIGHT:lb:3,sb:3,sbs(sb):3,gf:3,gfs(gf):3,awc:3,ssfilter,ssntaps,ssorder,sslsfrq:1;2:PROCESS:cf(nf),lsfid,phfid:1,lsfrq:1,proc,fn,rp:1,lp:1;3(ni):WEIGHT 1:lb1:3,sb1:3,sbs1(sb1):3,gf1:3,gfs1(gf1):3,awc1:3,wtfile1;3(ni):PROCESS 1:phfid1:1,lsfrq1:1,proc1,f1coef,fn1,rp1:1,lp1:1;4(ni2):WEIGHT 2:lb2:3,sb2:3,sbs2(sb2):3,gf2:3,gfs2(gf2):3,awc2:3,wtfile2;4(ni2):PROCESS 2:phfid2:1,lsfrq2:1,proc2,f2coef,fn2,rp2:1,lp2:1;"
0 
dglp 2 2 8 0 0 4 1 7 1 64
1 "1(lpfilt):LP:lpalg,lpopt,lpfilt:0,lpnupts:0,strtlp:0,lpext:0,strtext:0,,proc,ni,celem;2(lpfilt1):LP 1:lpalg1,lpopt1,lpfilt1:0,lpnupts1:0,strtlp1:0,lpext1:0,strtext1:0,,proc1;3(lpfilt2):LP 2:lpalg2,lpopt2,lpfilt2:0,lpnupts2:0,strtlp2:0,lpext2:0,strtext2:0,,proc2;4:LP OUTPUT:lpprint(lpfilt):0,lptrace(lpfilt):0,lpprint1(lpfilt1):0,lptrace1(lpfilt1):0,lpprint2(lpfilt2):0,lptrace2(lpfilt2):0;"
0 
dgs 2 2 1023 0 0 4 1 6 1 64
5 "1:AXIAL SHIMS:z1:0,z2:0,z3:0,z4:0,z5:0,z6:0,z7:0;"
"2:NON AXIAL SHIMS:x1:0,y1:0,xz:0,yz:0,xy:0,x2y2:0,x3:0,y3:0,xz2:0,yz2:0,zxy:0,zx2y2:0,z3x:0,z3y:0,z2x2y2:0,z2xy:0;"
"3:NON AXIAL SHIMS:zx3:0,zy3:0,x4:0,y4:0,z4x:0,z4y:0,z3x2y2:0,z3xy:0,z2x3:0,z2y3:0,z3x3:0,z3y3:0,z4x2y2:0,z4xy:0,z5x:0,z5y:0;"
"4:AUTOMATION:method,wshim,load,,spin:0,gain:0,alock,loc:0;"
"4:SPECIAL:temp;"
0 
dlp 7 1 10 10 10 2 1 8194 0 64
1 10 
0 
dmf 7 1 11 11 11 2 1 8194 1 64
1 5556 
0 
dm3 4 2 4 0 0 2 1 0 1 64
1 "nnn"
4 "a" "n" "s" "y" 
dm2 2 2 8 0 0 2 1 0 1 64
1 "nny"
0 
dmf3 7 1 2000000 1 0 2 1 2 1 64
1 1250 
0 
dmf2 7 1 100000 1 0 2 1 2 1 64
1 2886 
0 
dmg 2 2 2 0 0 4 1 3 1 64
1 "ph"
0 
dod 3 1 14 14 14 2 1 8194 1 64
1 0.00999999977648 
0 
dmm3 4 2 4 0 0 2 1 0 1 64
1 "cwc"
9 "c" "f" "g" "m" "p" "r" "u" "w" "x" 
dmm2 2 2 8 0 0 2 1 0 1 64
1 "ccg"
0 
dmm 4 2 4 0 0 2 1 0 1 64
1 "ccp"
9 "c" "f" "g" "m" "p" "r" "u" "w" "x" 
dn2 2 2 8 0 0 2 1 8 1 64
1 "N15"
0 
dn 2 2 4 0 0 2 1 8 1 64
1 "C13"
0 
dn3 2 2 8 0 0 2 1 8 1 64
1 ""
0 
dof3 5 1 20 20 20 2 1 8202 1 64
1 2052 
0 
dof2 5 1 1000000000 -1000000000 0 2 1 8 1 64
1 1726.65361925 
0 
dof 5 1 8 8 8 2 1 8202 1 64
1 1196.5210483 
0 
dotflag 2 2 8 0 0 4 1 0 1 64
1 "n"
2 "n" "y" 
gfs 1 1 1000 -1000 0.001 3 1 1 0 64
1 0 
0 
f2180 4 2 4 0 0 2 1 0 1 64
1 "n"
0 
dseq3 2 2 8 0 0 2 1 0 1 64
1 ""
0 
dpwr3 7 1 21 21 21 2 1 8194 1 64
1 34 
0 
dpwr1 7 1 32767 0 0 2 1 0 1 64
1 41 
0 
dp 2 2 1 0 0 2 1 0 1 64
1 "y"
2 "y" "n" 
dpwr 7 1 9 9 9 2 1 8194 1 64
1 0 
0 
dpwr2 1 1 9.99999984307e+17 -9.99999984307e+17 0 2 1 0 1 64
1 37 
0 
dscoef 7 1 49999 3 2 3 1 1 1 64
1 251 
0 
dres2 7 1 360 1 0 2 1 0 1 64
1 1 
0 
dres 7 1 360 1 0 2 1 0 1 64
1 9 
0 
dres3 7 1 360 1 0 2 1 0 1 64
1 1 
0 
dseq 2 2 8 0 0 2 1 0 1 64
1 "wc13"
0 
dseq2 2 2 8 0 0 2 1 0 1 64
1 ""
0 
f1180 4 2 4 0 0 2 1 0 1 64
1 "n"
0 
dslsfrq 1 1 9.99999984307e+17 -9.99999984307e+17 0 3 1 1 0 64
1 0 
0 
dsfb 1 1 9.99999984307e+17 -9.99999984307e+17 0 3 1 1 0 64
1 0 
0 
exppath 2 2 8 0 0 2 1 0 1 64
1 "/export/home/protein/vnmrsys/exp3/acqfil"
0 
f1coef 2 2 8 0 0 3 1 1 1 64
1 "1 0 -1 0 0 -1 0 -1"
0 
fn2 7 1 524288 64 -2 3 1 1 1 64
1 256 
0 
filter 7 1 1000000000 0 1 2 1 2 1 64
1 54.0999984741 
0 
fad2 4 2 4 0 0 2 1 0 1 64
1 "y"
0 
fad1 4 2 4 0 0 2 1 0 1 64
1 "y"
0 
f2coef 2 2 8 0 0 3 1 1 1 64
1 "1 0 -1 0 0 -1 0 -1"
0 
fiddc3d 4 2 4 0 0 3 1 0 1 64
1 "nnn"
0 
fb 7 1 6 6 6 2 1 8203 0 64
1 5000 
0 
file 2 2 6 0 0 2 1 3 1 64
1 "exp"
0 
fn 7 1 524288 64 -2 3 1 1 0 64
1 1024 
0 
filtfile 2 2 8 0 0 2 1 0 1 64
1 ""
0 
fn1 7 1 524288 64 -2 3 1 1 1 64
1 512 
0 
fsqd 4 2 4 0 0 2 1 0 1 64
1 "n"
0 
fpmult1 1 1 1000000000 0 0 3 2 0 0 64
1 0.5 
0 
fpmult 1 1 1000000000 0 0 3 1 0 1 64
1 0.5 
0 
fnsv 3 1 14 14 14 2 1 8192 1 64
1 1024 
0 
fpmult2 1 1 1000000000 0 0 3 1 0 0 64
1 0 
0 
gf 1 1 100000 0 0 3 1 1 1 64
1 0.022 
0 
gain 1 1 60 0 2 2 1 0 1 64
1 40 
0 
gcoil 2 2 8 0 0 2 1 9 1 64
1 "None"
0 
gf2 1 1 100000 0 0 3 1 1 0 64
1 0 
0 
gf1 1 1 100000 0 0 3 1 1 0 64
1 0.0155562773002 
0 
gzlvl2 1 1 32000 -32000 0 2 1 0 1 64
1 13080 
0 
gt4 3 1 14 14 14 2 1 8192 1 64
1 0.001 
0 
gt0 3 1 14 14 14 2 1 8192 1 64
1 0.0005 
0 
gfs2 1 1 1000 -1000 0.001 3 1 1 0 64
1 0 
0 
gfs1 1 1 1000 -1000 0.001 3 1 1 0 64
1 0 
0 
gmax 1 1 9.99999984307e+17 -9.99999984307e+17 0 2 1 0 1 64
1 0 
0 
gt3 3 1 14 14 14 2 1 8192 1 64
1 0.001 
0 
gt1 3 1 14 14 14 2 1 8192 1 64
1 0.0025 
0 
gymax 1 1 9.99999984307e+17 -9.99999984307e+17 0 2 1 0 1 64
1 0 
0 
gt6 3 1 14 14 14 2 1 8192 1 64
1 0.0005 
0 
gt5 3 1 14 14 14 2 1 8192 1 64
1 0.0005 
0 
gxmax 1 1 9.99999984307e+17 -9.99999984307e+17 0 2 1 0 1 64
1 0 
0 
gzlvl0 1 1 9.99999984307e+17 -9.99999984307e+17 0 2 1 0 1 64
1 8000 
0 
gzcal 1 1 9.99999984307e+17 -9.99999984307e+17 0 2 1 0 1 64
1 0.00227625 
0 
gzlvl1 1 1 32000 -32000 0 2 1 0 1 64
1 13000 
0 
homo 2 2 8 0 0 2 1 0 1 64
1 "n"
2 "n" "y" 
gzlvl6 1 1 9.99999984307e+17 -9.99999984307e+17 0 2 1 0 1 64
1 3000 
0 
gzlvl4 1 1 9.99999984307e+17 -9.99999984307e+17 0 2 1 0 1 64
1 8000 
0 
gzlvl3 1 1 9.99999984307e+17 -9.99999984307e+17 0 2 1 0 1 64
1 11000 
0 
gzlvl5 1 1 9.99999984307e+17 -9.99999984307e+17 0 2 1 0 1 64
1 2000 
0 
ho 1 1 500 -500 0 4 1 1 1 64
1 -27.9861111111 
0 
gzmax 1 1 9.99999984307e+17 -9.99999984307e+17 0 2 1 0 1 64
1 0 
0 
hst 3 1 0.02 0 2.5e-08 2 1 2 1 64
1 0.00800000037998 
0 
homo3 4 2 4 0 0 2 1 0 1 64
1 "n"
2 "n" "y" 
homo2 4 2 4 0 0 2 1 0 1 64
1 "n"
2 "n" "y" 
hs 4 2 4 0 0 2 1 0 1 64
1 "n"
2 "n" "y" 
il 2 2 1 0 0 2 1 0 1 64
1 "n"
2 "y" "n" 
hzmm 1 1 1000000000 -1000000000 0 4 1 11 1 64
1 12.3246034059 
0 
in 4 2 1 0 0 2 1 0 1 64
1 "n"
3 "n" "w" "y" 
pw 6 1 13 13 13 2 1 8194 1 64
1 9.1 
0 
lptrace1 7 1 32767 0 1 3 1 0 1 64
1 0 
0 
lp2 1 1 3600 -3600 0.1 4 1 3 1 64
1 0 
0 
lcpeak_ 7 1 32767 0 0 2 1 0 1 64
1 0 
0 
is 1 1 1000000000 1e-06 0 4 1 3 1 64
1 1.2194156894 
0 
intmod 2 2 8 0 0 4 1 0 1 64
1 "off"
3 "off" "partial" "full" 
ins2ref 1 1 9.99999984307e+17 -9.99999984307e+17 0 4 1 0 1 64
1 1 
0 
ins2 1 1 9.99999984307e+17 -9.99999984307e+17 0 4 1 0 1 64
1 1 
0 
insref 1 1 9.99999984307e+17 -9.99999984307e+17 0 4 1 0 1 64
1 1 
0 
io 1 1 500 -500 0.1 4 1 1 1 64
1 48.5981284588 
0 
lb 1 1 100000 -100000 0 3 1 1 1 64
1 0.5 
0 
jch 5 1 1000000000 -1000000000 0 2 1 0 1 64
1 143 
0 
lastdir 2 2 8 0 0 2 1 0 1 64
1 "/export/home/vnmr/wavelib"
0 
lb1 1 1 100000 -100000 0 3 1 1 0 64
1 0.318309992552 
0 
lb2 1 1 100000 -100000 0 3 1 1 0 64
1 1 
0 
load 2 2 4 0 0 2 1 3 1 64
1 "n"
2 "y" "n" 
llamp 1 1 1000000000 0 0 4 1 0 0 64
22 0.00014342443319 0.00015805986186 0.000155893620104 0.000143068828038 9.80560216703e-05 0.000247148098424 0.000115748611279 0.00021719103097 0.000294588360703 0.000209454883588 0.000243093993049 0.000100878074591 0.000163626493304 0.000276182516245 9.63944839896e-05 0.000209003395867 0.000212154525798 8.81309242686e-05 0.000169054997968 0.000176181143615 0.000132884364575 0.000143727578688 
0 
lifrq 1 1 1000000000 -1000000000 0 4 1 0 0 64
3 8803.22012207 5503.89667226 0 
0 
liamp 1 1 1000000000 0 0 4 1 0 0 64
2 0 0.0249787922949 
0 
linearpred 2 2 8 0 0 2 1 0 1 64
1 "dglp"
0 
llfrq 1 1 1000000000 -1000000000 0 4 1 0 0 64
22 4488.83002471 4483.9466152 4481.01656949 4477.10984188 4323.77078316 3533.63512389 3500.4279392 3465.2673907 3451.59384407 3429.1301603 3407.64315845 3382.24942898 3316.8117415 3283.60455681 3267.97764636 3256.25746353 3244.5372807 3224.02696074 3199.60991317 3195.70318556 3188.86641225 2758.14969316 
0 
lockphase_ 1 1 360 0 1 2 1 0 1 64
1 33 
0 
lockfreq_ 5 1 160 0 1e-07 2 1 9 1 64
1 92.0355 
0 
loc_ 7 1 12 12 12 2 1 8201 0 64
1 0 
0 
lockgain_ 1 1 48 0 1 2 1 0 1 64
1 38 
0 
lp 1 1 3600 -3600 0.1 4 1 3 1 64
1 0 
0 
lockpower_ 1 1 68 0 1 2 1 0 1 64
1 38 
0 
lp1 1 1 3600 -3600 0.1 4 1 3 1 64
1 0 
0 
lpfilt2 7 1 32767 1 1 3 1 0 1 64
1 8 
0 
lpext2 7 1 1000000 0 1 3 1 0 1 64
1 96 
0 
lpalg2 2 2 8 0 0 3 1 0 1 64
1 "lpfft"
0 
lpalg1 2 2 8 0 0 3 1 0 1 64
1 "lpfft"
0 
lpext1 7 1 1000000 0 1 3 1 0 1 64
1 128 
0 
lpfilt1 7 1 32767 1 1 3 1 0 1 64
1 8 
0 
lpopt1 2 2 8 0 0 3 1 0 1 64
1 "f"
0 
lpnupts1 7 1 1000000 1 1 3 1 0 1 64
1 128 
0 
lpnupts2 7 1 1000000 1 1 3 1 0 1 64
1 32 
0 
lpprint1 7 1 63 0 1 3 1 0 1 64
1 0 
0 
lpopt2 2 2 8 0 0 3 1 0 1 64
1 "f"
0 
lpprint2 7 1 63 0 1 3 1 0 1 64
1 0 
0 
osfilt 2 2 8 0 0 2 1 0 1 64
1 "a"
5 "a" "A" "b" "B" "" 
ni 7 1 32767 0 0 2 1 0 1 64
1 128 
0 
macro 2 2 6 0 0 4 1 3 1 64
1 ""
0 
lsfrq 1 1 9.99999984307e+17 -9.99999984307e+17 0 3 1 0 0 64
1 0 
0 
lsfid 7 1 64000 -64000 1 3 1 0 0 64
1 0 
0 
lptrace2 7 1 32767 0 1 3 1 0 1 64
1 0 
0 
lsfid2 7 1 64000 -64000 1 3 1 0 0 64
1 0 
0 
lsfrq2 1 1 9.99999984307e+17 -9.99999984307e+17 0 3 1 0 0 64
1 0 
0 
lsfrq1 1 1 9.99999984307e+17 -9.99999984307e+17 0 3 1 0 0 64
1 301.7312968 
0 
lvl 1 1 1000000000 -1000000000 0 4 1 1 1 64
1 0 
0 
method 2 2 6 0 0 2 1 3 1 64
1 "z1z2"
0 
math 2 2 1 0 0 3 1 3 1 64
1 "f"
3 "d" "f" "i" 
mag_flg 4 2 4 0 0 2 1 0 1 64
1 "n"
0 
maxrelaxT 3 1 14 14 14 2 1 8192 1 64
1 0 
0 
n2 2 2 6 0 0 4 1 3 1 64
1 "n"
0 
n1 2 2 6 0 0 4 1 3 1 64
1 "reburp"
0 
n3 2 2 6 0 0 4 1 3 1 64
1 "n"
0 
nt 7 1 1000000000 1 1 2 1 2 1 64
1 8 
0 
np 7 1 524288 32 2 2 1 11 1 64
1 1024 
0 
ni2 7 1 32767 0 1 2 1 0 1 64
1 0 
0 
oscoef 7 1 49999 3 2 2 1 1 0 64
1 31 
0 
ntype3d 4 2 4 0 0 3 1 0 1 64
1 "nn"
0 
osfb 1 1 100000 0 0 2 1 1 0 64
1 0 
0 
phfid2 1 1 3600 -3600 0.1 3 1 0 0 64
1 0 
0 
phase 1 1 1e+18 -1e+18 0 2 1 0 1 64
2 1 2 
0 
pad 3 1 14 14 14 2 1 8194 1 64
1 0.5 
0 
oversamp 7 1 68 0 1 2 1 9 1 64
1 46 
0 
oslsfrq 1 1 9.99999984307e+17 -9.99999984307e+17 0 2 1 1 0 64
1 0 
0 
p1 6 1 13 13 13 2 1 8192 1 64
1 0 
0 
parversion 1 1 9.99999984307e+17 -9.99999984307e+17 0 2 1 4 1 64
1 5.1 
0 
parstyle_ 2 2 8 0 0 4 1 0 1 64
1 "ppa"
0 
path3d 2 2 8 0 0 4 1 0 1 64
1 "/export/home/georgeg/vnmrsys/exp3/datadir3d"
0 
phfid 1 1 3600 -3600 0.1 3 1 0 0 64
1 0 
0 
phase2 7 1 4 0 1 2 1 0 1 64
1 1 
0 
phfid1 1 1 3600 -3600 0.1 3 1 0 0 64
1 0 
0 
priority 7 1 32768 0 1 2 1 0 1 64
1 5 
0 
pltmod 2 2 8 0 0 4 1 0 1 64
1 "off"
5 "off" "fixed" "full" "variable" "user" 
pkpick_ 2 2 8 0 0 4 1 0 1 64
1 ""
0 
phi7cal 1 1 360 0 0 2 1 0 0 64
1 0 
0 
plane 2 2 8 0 0 4 1 0 1 64
1 "f1f3"
6 "f1f3" "f3f1" "f2f3" "f3f2" "f1f2" "f2f1" 
pmode 2 2 8 0 0 3 1 0 1 64
1 "full"
0 
proc2 2 2 8 0 0 3 1 1 1 64
1 "ft"
0 
proc 2 2 10 0 0 3 1 1 1 64
1 "ft"
0 
probe_ 2 2 8 0 0 2 1 8 1 64
1 ""
0 
proc1 2 2 10 0 0 3 2 1 1 64
1 "n"
0 
pslabel 2 2 8 0 0 2 1 11 1 64
1 "gNhsqc"
0 
processing 2 2 8 0 0 2 1 0 1 64
1 "dgp"
0 
ptspec3d 4 2 4 0 0 3 1 0 1 64
1 "nnn"
0 
sw2 1 1 5000000 1 -2.5e-08 2 1 0 1 64
1 2200 
0 
sbs 1 1 1000 -1000 0.001 3 1 1 0 64
1 0 
0 
ref_pwr 1 1 9.99999984307e+17 -9.99999984307e+17 0 2 1 0 1 64
1 50 
0 
pwC9 6 1 13 13 13 2 1 8192 1 64
1 80.8 
0 
pwC5 6 1 13 13 13 2 1 8192 1 64
1 89.2 
0 
pwC3a 6 1 13 13 13 2 1 8192 1 64
1 48.6 
0 
pwC 6 1 13 13 13 2 1 8192 1 64
1 10.6 
0 
pw90 6 1 13 13 13 2 1 8194 1 64
1 8.4 
0 
pwC3 6 1 13 13 13 2 1 8192 1 64
1 48.6 
0 
pwC4 6 1 13 13 13 2 1 8192 1 64
1 48.6 
0 
pwC7a 6 1 13 13 13 2 1 8192 1 64
1 80.8 
0 
pwC6 6 1 13 13 13 2 1 8192 1 64
1 89.2 
0 
pwC7 6 1 13 13 13 2 1 8192 1 64
1 80.8 
0 
pwC8 6 1 13 13 13 2 1 8192 1 64
1 80.8 
0 
pwC8a 6 1 13 13 13 2 1 8192 1 64
1 80.8 
0 
r1 1 1 1e+18 -1e+18 0 4 1 1 1 64
1 0 
0 
pwHs 6 1 13 13 13 2 1 8192 1 64
1 1418 
0 
pwCd 6 1 13 13 13 2 1 8192 1 64
1 250 
0 
pwC9a 6 1 13 13 13 2 1 8192 1 64
1 80.8 
0 
pwClvl 7 1 17 17 17 2 1 8194 1 64
1 58 
0 
pwNlvl 7 1 17 17 17 2 1 8194 1 64
1 57 
0 
pwN 6 1 13 13 13 2 1 8192 1 64
1 41 
0 
pwsl 6 1 13 13 13 2 1 8192 1 64
1 40 
0 
r5 1 1 1e+18 -1e+18 0 4 1 1 1 64
1 0 
0 
r3 1 1 1e+18 -1e+18 0 4 1 1 1 64
1 0 
0 
r2 1 1 1e+18 -1e+18 0 4 1 1 1 64
1 0 
0 
r4 1 1 1e+18 -1e+18 0 4 1 1 1 64
1 0 
0 
r7 1 1 1e+18 -1e+18 0 4 1 1 1 64
1 0 
0 
r6 1 1 1e+18 -1e+18 0 4 1 1 1 64
1 0 
0 
ref_pw90 1 1 9.99999984307e+17 -9.99999984307e+17 0 2 1 0 1 64
1 15.456 
0 
rfp1 1 1 1000000000 -1000000000 0 4 1 1 1 64
1 7294.97390637 
0 
refsource2 2 2 8 0 0 4 1 0 1 64
1 "sfrq"
0 
refpos 1 1 9.99999984307e+17 -9.99999984307e+17 0 4 1 0 1 64
1 0 
0 
reffrq1 1 1 9.99999984307e+17 -9.99999984307e+17 0 4 1 0 1 64
1 599.869695899 
0 
reffrq 1 1 9.99999984307e+17 -9.99999984307e+17 0 4 1 0 1 64
1 599.5722995 
0 
reffrq2 1 1 9.99999984307e+17 -9.99999984307e+17 0 4 1 0 1 64
1 599.8797831 
0 
refpos2 1 1 9.99999984307e+17 -9.99999984307e+17 0 4 1 0 0 64
1 0 
0 
refpos1 1 1 9.99999984307e+17 -9.99999984307e+17 0 4 1 0 1 64
1 0 
0 
refsource1 2 2 8 0 0 4 1 0 1 64
1 "sfrq"
0 
rfl1 1 1 1000000000 -1000000000 0 4 1 1 1 64
1 1000 
0 
rfband 4 2 4 0 0 2 1 0 1 64
1 "cccc"
3 "c" "h" "l" 
relaxT 3 1 14 14 14 2 1 8192 1 64
1 0 
0 
rfl 1 1 1000000000 -1000000000 0 4 1 1 1 64
1 20541.3191487 
0 
rflsv 3 1 14 14 14 2 1 8192 1 64
1 4799.39684556 
0 
rfl2 1 1 9.99999984307e+17 -9.99999984307e+17 0 4 1 0 1 64
1 1100 
0 
rfp 1 1 1000000000 -1000000000 0 4 1 1 1 64
1 0 
0 
satdly 1 1 1e+18 -1e+18 0 2 1 0 1 64
1 1 
0 
rof2 6 1 8192 0 0.1 2 1 2 1 64
1 0.1 
0 
rfpsv 3 1 14 14 14 2 1 8192 1 64
1 3689.26069313 
0 
rfp2 1 1 9.99999984307e+17 -9.99999984307e+17 0 4 1 0 1 64
1 7295.06262 
0 
rof1 6 1 13 13 13 2 1 8194 1 64
1 50 
0 
rp1 1 1 3600 -3600 0.1 4 1 3 1 64
1 0 
0 
rp 1 1 3600 -3600 0.1 4 1 3 1 64
1 57.7540106952 
0 
rp2 1 1 3600 -3600 0.1 4 1 3 1 64
1 0 
0 
saveglobal_ 2 2 8 0 0 3 1 0 1 64
15 "probe"
"lcpeak"
"loc"
"lockpower"
"lockgain"
"lockphase"
"lockfreq"
"z0"
"lkof"
"vloc"
"vrack"
"vzone"
"vproto"
"pkpick"
"parstyle"
0 
satmode 4 2 4 0 0 2 1 0 1 64
1 "yn"
0 
satfrq 5 1 1000000000 -1000000000 0 2 1 0 1 64
1 -219.2 
0 
satpwr 1 1 1e+18 -1e+18 0 2 1 0 1 64
1 -6 
0 
sb1 1 1 1000 -1000 0.001 3 1 1 1 64
1 -0.121 
0 
sb 1 1 1000 -1000 0.001 3 1 0 0 64
1 0 
0 
sb2 1 1 1000 -1000 0.001 3 1 1 1 64
1 0.064 
0 
sp2 1 1 9.99999984307e+17 -9.99999984307e+17 0 4 1 0 1 64
1 6195.06262 
0 
sf 1 1 8190 0 1e-07 4 1 3 1 64
1 0 
0 
sc 1 1 1 1 1 4 1 8195 1 64
1 0 
0 
sbs2 1 1 1000 -1000 0.001 3 1 1 1 64
1 -0.064 
0 
sbs1 1 1 1000 -1000 0.001 3 1 1 1 64
1 -0.121 
0 
seqfil 2 2 8 0 0 2 1 11 1 64
1 "gNhsqc"
0 
sc2 1 1 3 3 3 4 1 8195 1 64
1 0 
0 
sequence 2 2 8 0 0 2 1 0 1 64
1 "dg2"
0 
sn 1 1 1e+18 -1e+18 0 3 1 1 1 64
1 0 
0 
sf2 1 1 9.99999984307e+17 -9.99999984307e+17 0 4 1 0 1 64
1 0 
0 
sf1 1 1 9.99999984307e+17 -9.99999984307e+17 0 4 1 0 1 64
1 0 
0 
sfrq 1 1 1000000000 0 0 2 1 11 1 64
1 599.5560135 
0 
sp 1 1 1000000000 -1000000000 0 4 1 3 1 64
1 -20541.3191487 
0 
solvent 2 2 6 0 0 2 1 11 1 64
1 "D2O"
0 
sp1 1 1 1000000000 -1000000000 0 4 1 3 1 64
1 6294.97390637 
0 
ssorder 7 1 20 1 1 3 1 0 0 64
1 7 
0 
ss 7 1 32767 -32768 0 2 1 0 1 64
1 256 
0 
spin 1 1 32000000 0 0.1 2 1 0 0 64
1 0 
0 
specdc3d 4 2 4 0 0 3 1 0 1 64
1 "nnn"
0 
spsv 3 1 14 14 14 2 1 8192 1 64
1 3441.99513666 
0 
sslsfrq 1 1 9.99999984307e+17 -9.99999984307e+17 0 3 1 0 0 64
1 0 
0 
ssfilter 1 1 50000 10 0.1 3 1 0 1 64
1 300 
0 
ssntaps 7 1 2500 0 1 3 1 0 1 64
1 200 
0 
strtlp1 7 1 1000000 1 1 3 1 0 1 64
1 128 
0 
strtext1 7 1 1000000 1 1 3 1 0 1 64
1 129 
0 
sspul 4 2 4 0 0 2 1 0 1 64
1 "n"
0 
strtext2 7 1 1000000 1 1 3 1 0 1 64
1 33 
0 
sw 1 1 5 5 5 2 1 8203 1 64
1 8510.63829787 
0 
strtlp2 7 1 1000000 1 1 3 1 0 1 64
1 32 
0 
sw1 1 1 1e+18 -1e+18 0 2 1 0 1 64
1 2200 
0 
wtfile2 2 2 8 0 0 3 1 1 1 64
1 ""
0 
wbs 2 2 6 0 0 3 1 3 1 64
1 ""
0 
trise 1 1 9.99999984307e+17 -9.99999984307e+17 0 2 1 0 1 64
1 1e-05 
0 
tlt 1 1 1000000000 -1000000000 0 4 1 1 1 64
1 0 
0 
th 1 1 1000000000 0 0 4 1 1 1 64
1 5 
0 
tauCH 3 1 14 14 14 2 1 8192 1 64
1 0.0017 
0 
swsv 3 1 14 14 14 2 1 8192 1 64
1 7993.60511591 
0 
temp 1 1 200 -150 0.1 2 1 8 1 64
1 23 
0 
timeTN 3 1 14 14 14 2 1 8192 1 64
1 0.014 
0 
th2d 1 1 1 1e-18 0 4 1 17 1 64
1 0.8 
0 
tin 2 2 1 0 0 2 1 2 1 64
1 "n"
3 "n" "w" "y" 
tpwrsl 1 1 9.99999984307e+17 -9.99999984307e+17 0 2 1 0 1 64
1 46 
0 
tof 5 1 7 7 7 2 1 8202 1 64
1 -225 
0 
tn 2 2 4 0 0 2 1 8 1 64
1 "H1"
0 
tpwr 7 1 17 17 17 2 1 8194 1 64
1 56 
0 
trace 2 2 2 0 0 4 1 3 1 64
1 "f1"
3 "f1" "f2" "f3" 
vproto_ 2 2 8 0 0 2 1 0 1 64
1 ""
0 
vo 1 1 500 -500 0 4 1 1 1 64
1 0 
0 
vf 1 1 1000000000 0 0 4 1 3 1 64
1 3255.34408683 
0 
vloc_ 2 2 8 0 0 2 1 8 1 64
1 "C7"
0 
vpf 1 1 500 -500 0 4 1 0 1 64
1 0 
0 
vp 7 1 500 -500 0.1 4 1 3 1 64
1 -3.26807213191 
0 
vpfi 1 1 500 -500 0 4 1 0 1 64
1 0 
0 
vsproj 1 1 1000000000 1e-06 0 4 1 3 1 64
1 83279.3262661 
0 
vs 1 1 1000000000 1e-06 0 4 1 3 1 64
1 89459.8064091 
0 
vrack_ 7 1 5 1 0 2 1 0 1 64
1 1 
0 
vs2d 1 1 1000000000 1e-06 0 4 1 3 1 64
1 10187.5057944 
0 
vtwait 3 1 14 14 14 2 1 8194 1 64
1 300 
0 
vtc 1 1 255 0 1 2 1 2 1 64
1 25 
0 
vzone_ 7 1 15 1 0 2 1 0 1 64
1 1 
0 
wnt 2 2 6 0 0 3 1 3 1 64
1 ""
0 
wexp 2 2 6 0 0 3 1 3 1 64
1 ""
0 
wc2 1 1 4 4 4 4 1 8195 1 64
1 130 
0 
wc 1 1 2 2 2 4 1 8203 1 64
1 250 
0 
werr 2 2 6 0 0 3 1 3 1 64
1 ""
0 
wf1 1 1 9.99999984307e+17 -9.99999984307e+17 0 4 1 0 1 64
1 0.116363636364 
0 
wf 1 1 8190 0 1e-07 4 1 3 1 64
1 0.06016 
0 
wf2 1 1 9.99999984307e+17 -9.99999984307e+17 0 4 1 0 1 64
1 0.0581818181818 
0 
wpsv 3 1 14 14 14 2 1 8192 1 64
1 3144.25563268 
0 
wp1 1 1 100000 0 0 4 1 3 1 64
1 2200 
0 
wp 1 1 5000000 0 0 4 1 11 1 64
1 8510.63829787 
0 
wp2 1 1 9.99999984307e+17 -9.99999984307e+17 0 4 1 0 1 64
1 2200 
0 
wtfile 2 2 15 0 0 3 1 1 1 64
1 ""
0 
wshim 4 2 4 0 0 2 1 1 1 64
1 "n"
15 "e" "f" "g" "n" "s" "0" "1" "2" "3" "4" "5" "6" "7" "8" "9" 
wtfile1 2 2 15 0 0 3 2 1 1 64
1 ""
0 
z3 7 1 19 19 19 2 1 8192 1 64
1 4160 
0 
z1 7 1 19 19 19 2 1 8192 1 64
1 23305 
0 
xz2 7 1 19 19 19 2 1 8192 1 64
1 -6555 
0 
x4 7 1 19 19 19 2 1 8192 1 64
1 0 
0 
x2y2 7 1 19 19 19 2 1 8192 1 64
1 1623 
0 
x1 7 1 19 19 19 2 1 8192 1 64
1 3731 
0 
x3 7 1 19 19 19 2 1 8192 1 64
1 4860 
0 
xy 7 1 19 19 19 2 1 8192 1 64
1 -485 
0 
xdiag 1 1 1e+18 0 0 4 1 17 1 64
1 0 
0 
xz 7 1 19 19 19 2 1 8192 1 64
1 -5253 
0 
y4 7 1 19 19 19 2 1 8192 1 64
1 0 
0 
y3 7 1 19 19 19 2 1 8192 1 64
1 12519 
0 
y1 7 1 19 19 19 2 1 8192 1 64
1 3159 
0 
yz2 7 1 19 19 19 2 1 8192 1 64
1 -2600 
0 
yz 7 1 19 19 19 2 1 8192 1 64
1 2530 
0 
z0_ 1 1 19 19 19 2 1 8192 1 64
1 7030 
0 
z2x2y2 7 1 19 19 19 2 1 8192 1 64
1 918 
0 
z2 7 1 19 19 19 2 1 8192 1 64
1 6232 
0 
z1c 7 1 19 19 19 2 1 8192 1 64
1 0 
0 
z2c 7 1 19 19 19 2 1 8192 1 64
1 0 
0 
z2xy 7 1 19 19 19 2 1 8192 1 64
1 -2881 
0 
z2x3 7 1 19 19 19 2 1 8192 1 64
1 0 
0 
z2y3 7 1 19 19 19 2 1 8192 1 64
1 0 
0 
z4x2y2 7 1 19 19 19 2 1 8192 1 64
1 0 
0 
z3y3 7 1 19 19 19 2 1 8192 1 64
1 0 
0 
z3x2y2 7 1 19 19 19 2 1 8192 1 64
1 0 
0 
z3x 7 1 19 19 19 2 1 8192 1 64
1 7409 
0 
z3c 7 1 19 19 19 2 1 8192 1 64
1 0 
0 
z3xy 7 1 19 19 19 2 1 8192 1 64
1 0 
0 
z3x3 7 1 19 19 19 2 1 8192 1 64
1 0 
0 
z3y 7 1 19 19 19 2 1 8192 1 64
1 -669 
0 
z4c 7 1 19 19 19 2 1 8192 1 64
1 0 
0 
z4 7 1 19 19 19 2 1 8192 1 64
1 4556 
0 
z4x 7 1 19 19 19 2 1 8192 1 64
1 -4505 
0 
z6 7 1 19 19 19 2 1 8192 1 64
1 -25096 
0 
z5x 7 1 19 19 19 2 1 8192 1 64
1 0 
0 
z4y 7 1 19 19 19 2 1 8192 1 64
1 -2782 
0 
z4xy 7 1 19 19 19 2 1 8192 1 64
1 0 
0 
z5 7 1 19 19 19 2 1 8192 1 64
1 5560 
0 
z5y 7 1 19 19 19 2 1 8192 1 64
1 0 
0 
zx2y2 7 1 19 19 19 2 1 8192 1 64
1 -12660 
0 
z8 7 1 19 19 19 2 1 8192 1 64
1 0 
0 
z7 7 1 19 19 19 2 1 8192 1 64
1 -3768 
0 
zxy 7 1 19 19 19 2 1 8192 1 64
1 1914 
0 
zx3 7 1 19 19 19 2 1 8192 1 64
1 -3310 
0 
zy3 7 1 19 19 19 2 1 8192 1 64
1 -2605 
0 
